GENERATE-LOAD-SCRIPTS: ON
GITHUB
  remote: fsprojects/FSharp.TypeProviders.SDK
    src/ProvidedTypes.fs (579c6474805c99be5a764a9521e3a59fd28e9d7a)
    src/ProvidedTypes.fsi (579c6474805c99be5a764a9521e3a59fd28e9d7a)
    src/ProvidedTypesTesting.fs (579c6474805c99be5a764a9521e3a59fd28e9d7a)
GROUP Build
GENERATE-LOAD-SCRIPTS: ON
RESTRICTION: >= net451
NUGET
  remote: https://www.nuget.org/api/v2
    FAKE (5.8.4)
    FAKE.Lib (5.8.4)
    FSharp.Compiler.Service (0.0.36)
    FSharp.Formatting (2.4.1)
      FSharp.Compiler.Service (>= 0.0.32)
      Microsoft.AspNet.Razor (>= 2.0.30506)
      RazorEngine (>= 3.3)
    Microsoft.AspNet.Razor (3.2.6)
    NuGet.CommandLine (4.7.1)
    RazorEngine (3.3)
      Microsoft.AspNet.Razor (>= 2.0.30506)

GROUP DesignTime
RESTRICTION: || (== netstandard2.0) (>= net461)
NUGET
  remote: https://www.nuget.org/api/v2
    FSharp.Core (4.6.2)
    Microsoft.NETCore.Platforms (2.2) - restriction: || (== netstandard2.0) (&& (< net45) (>= net461) (< netstandard1.2)) (&& (< net45) (>= net461) (< netstandard1.3)) (&& (< net45) (>= net461) (>= netstandard1.5)) (&& (< net45) (>= net461) (< netstandard1.5)) (&& (>= net461) (>= netcoreapp5.0))
    Microsoft.NETCore.Targets (2.1) - restriction: || (== netstandard2.0) (&& (< net45) (>= net461) (< netstandard1.2)) (&& (< net45) (>= net461) (< netstandard1.3)) (&& (< net45) (>= net461) (>= netstandard1.5)) (&& (< net45) (>= net461) (< netstandard1.5)) (&& (>= net461) (>= netcoreapp5.0))
    Microsoft.SqlServer.TransactSql.ScriptDom (15.0.4200.1)
    Microsoft.SqlServer.Types (14.0.1016.290)
    Microsoft.Win32.Registry (4.5) - restriction: || (== netstandard2.0) (&& (< net451) (>= net461) (>= netstandard2.0)) (&& (>= net461) (>= netcoreapp2.0))
      System.Buffers (>= 4.4) - restriction: || (== netstandard2.0) (&& (>= monoandroid) (>= net461)) (&& (>= monotouch) (>= net461)) (&& (< net46) (>= net461) (>= netstandard2.0)) (&& (>= net461) (>= xamarinios)) (&& (>= net461) (>= xamarinmac)) (&& (>= net461) (>= xamarintvos)) (&& (>= net461) (>= xamarinwatchos))
      System.Memory (>= 4.5) - restriction: || (== netstandard2.0) (&& (< net46) (>= net461) (>= netstandard2.0)) (&& (>= net461) (>= netcoreapp2.0)) (&& (>= net461) (>= uap10.1))
      System.Security.AccessControl (>= 4.5)
      System.Security.Principal.Windows (>= 4.5)
    runtime.native.System.Data.SqlClient.sni (4.5) - restriction: || (== netstandard2.0) (&& (< net451) (>= net461) (>= netstandard2.0)) (&& (>= net461) (>= netcoreapp2.0))
      runtime.win-arm64.runtime.native.System.Data.SqlClient.sni (>= 4.4)
      runtime.win-x64.runtime.native.System.Data.SqlClient.sni (>= 4.4)
      runtime.win-x86.runtime.native.System.Data.SqlClient.sni (>= 4.4)
    runtime.win-arm64.runtime.native.System.Data.SqlClient.sni (4.4) - restriction: || (== netstandard2.0) (&& (< net451) (>= net461) (>= netstandard2.0)) (&& (>= net461) (>= netcoreapp2.0))
    runtime.win-x64.runtime.native.System.Data.SqlClient.sni (4.4) - restriction: || (== netstandard2.0) (&& (< net451) (>= net461) (>= netstandard2.0)) (&& (>= net461) (>= netcoreapp2.0))
    runtime.win-x86.runtime.native.System.Data.SqlClient.sni (4.4) - restriction: || (== netstandard2.0) (&& (< net451) (>= net461) (>= netstandard2.0)) (&& (>= net461) (>= netcoreapp2.0))
    Serilog (2.10) - condition: instrumented
    Serilog.Sinks.Console (3.1.1) - condition: instrumented
      Serilog (>= 2.5)
      System.Console (>= 4.3) - restriction: || (== netstandard2.0) (&& (< net45) (>= net461)) (&& (>= net461) (>= netcoreapp1.1))
    Serilog.Sinks.Debug (1.0.1) - condition: instrumented
      Serilog (>= 2.5)
      System.Diagnostics.Debug (>= 4.3)
    System.Buffers (4.5) - restriction: || (== netstandard2.0) (&& (< net451) (>= net461) (>= netstandard2.0))
    System.Collections (4.3) - restriction: || (== netstandard2.0) (&& (< net451) (>= net461))
      Microsoft.NETCore.Platforms (>= 1.1) - restriction: || (== netstandard2.0) (&& (< net45) (>= net461)) (&& (>= net461) (>= netcoreapp5.0))
      Microsoft.NETCore.Targets (>= 1.1) - restriction: || (== netstandard2.0) (&& (< net45) (>= net461)) (&& (>= net461) (>= netcoreapp5.0))
      System.Runtime (>= 4.3) - restriction: || (== netstandard2.0) (&& (< net45) (>= net461)) (&& (>= net461) (>= netcoreapp5.0))
    System.Configuration.ConfigurationManager (4.5)
      System.Security.Cryptography.ProtectedData (>= 4.5) - restriction: == netstandard2.0
      System.Security.Permissions (>= 4.5)
    System.Console (4.3.1) - condition: instrumented, restriction: || (== netstandard2.0) (&& (< net45) (>= net461)) (&& (>= net461) (>= netcoreapp1.1))
      Microsoft.NETCore.Platforms (>= 1.1) - restriction: || (== netstandard2.0) (&& (< net46) (>= net461))
      Microsoft.NETCore.Targets (>= 1.1.2) - restriction: || (== netstandard2.0) (&& (< net46) (>= net461))
      System.IO (>= 4.3) - restriction: || (== netstandard2.0) (&& (< net46) (>= net461))
      System.Runtime (>= 4.3) - restriction: || (== netstandard2.0) (&& (< net46) (>= net461))
      System.Text.Encoding (>= 4.3) - restriction: || (== netstandard2.0) (&& (< net46) (>= net461))
    System.Data.Common (4.3)
      System.Collections (>= 4.3) - restriction: || (== netstandard2.0) (&& (< net451) (>= net461))
      System.Globalization (>= 4.3) - restriction: || (== netstandard2.0) (&& (< net451) (>= net461))
      System.IO (>= 4.3) - restriction: || (== netstandard2.0) (&& (< net451) (>= net461))
      System.Resources.ResourceManager (>= 4.3) - restriction: || (== netstandard2.0) (&& (< net451) (>= net461))
      System.Runtime (>= 4.3) - restriction: || (== netstandard2.0) (&& (< net451) (>= net461))
      System.Runtime.Extensions (>= 4.3) - restriction: || (== netstandard2.0) (&& (< net451) (>= net461))
      System.Text.RegularExpressions (>= 4.3) - restriction: || (== netstandard2.0) (&& (< net451) (>= net461))
      System.Threading.Tasks (>= 4.3) - restriction: || (== netstandard2.0) (&& (< net451) (>= net461))
    System.Data.SqlClient (4.6)
      Microsoft.Win32.Registry (>= 4.5) - restriction: || (== netstandard2.0) (&& (< net451) (>= net461) (>= netstandard2.0)) (&& (>= net461) (>= netcoreapp2.0))
      runtime.native.System.Data.SqlClient.sni (>= 4.5) - restriction: || (== netstandard2.0) (&& (< net451) (>= net461) (>= netstandard2.0)) (&& (>= net461) (>= netcoreapp2.0))
      System.Buffers (>= 4.4) - restriction: || (== netstandard2.0) (&& (< net451) (>= net461) (>= netstandard2.0))
      System.Diagnostics.DiagnosticSource (>= 4.5) - restriction: || (== netstandard2.0) (&& (< net451) (>= net461) (>= netstandard2.0)) (&& (>= net461) (>= netcoreapp2.0)) (&& (>= net461) (>= uap10.1))
      System.Memory (>= 4.5.1) - restriction: || (== netstandard2.0) (&& (< net451) (>= net461) (>= netstandard2.0)) (&& (>= net461) (>= netcoreapp2.0)) (&& (>= net461) (>= uap10.1))
      System.Security.Principal.Windows (>= 4.5) - restriction: || (== netstandard2.0) (&& (< net451) (>= net461) (>= netstandard2.0)) (&& (>= net461) (>= netcoreapp2.0))
      System.Text.Encoding.CodePages (>= 4.5) - restriction: || (== netstandard2.0) (&& (< net451) (>= net461) (>= netstandard2.0)) (&& (>= net461) (>= netcoreapp2.0))
    System.Diagnostics.Debug (4.3) - condition: instrumented
      Microsoft.NETCore.Platforms (>= 1.1) - restriction: || (== netstandard2.0) (&& (< net45) (>= net461)) (&& (>= net461) (>= netcoreapp5.0))
      Microsoft.NETCore.Targets (>= 1.1) - restriction: || (== netstandard2.0) (&& (< net45) (>= net461)) (&& (>= net461) (>= netcoreapp5.0))
      System.Runtime (>= 4.3) - restriction: || (== netstandard2.0) (&& (< net45) (>= net461)) (&& (>= net461) (>= netcoreapp5.0))
    System.Diagnostics.DiagnosticSource (4.5.1) - restriction: || (== netstandard2.0) (&& (< net451) (>= net461) (>= netstandard2.0)) (&& (>= net461) (>= netcoreapp2.0)) (&& (>= net461) (>= uap10.1))
    System.Globalization (4.3) - restriction: || (== netstandard2.0) (&& (< net451) (>= net461))
      Microsoft.NETCore.Platforms (>= 1.1) - restriction: || (== netstandard2.0) (&& (< net45) (>= net461)) (&& (>= net461) (>= netcoreapp5.0))
      Microsoft.NETCore.Targets (>= 1.1) - restriction: || (== netstandard2.0) (&& (< net45) (>= net461)) (&& (>= net461) (>= netcoreapp5.0))
      System.Runtime (>= 4.3) - restriction: || (== netstandard2.0) (&& (< net45) (>= net461)) (&& (>= net461) (>= netcoreapp5.0))
    System.IO (4.3) - restriction: || (== netstandard2.0) (&& (< net451) (>= net461))
      Microsoft.NETCore.Platforms (>= 1.1) - restriction: || (== netstandard2.0) (&& (< net45) (>= net461) (< netstandard1.3)) (&& (< net45) (>= net461) (>= netstandard1.5)) (&& (< net45) (>= net461) (< netstandard1.5)) (&& (>= net461) (>= netcoreapp5.0))
      Microsoft.NETCore.Targets (>= 1.1) - restriction: || (== netstandard2.0) (&& (< net45) (>= net461) (< netstandard1.3)) (&& (< net45) (>= net461) (>= netstandard1.5)) (&& (< net45) (>= net461) (< netstandard1.5)) (&& (>= net461) (>= netcoreapp5.0))
      System.Runtime (>= 4.3) - restriction: || (== netstandard2.0) (&& (< net45) (>= net461) (< netstandard1.3)) (&& (< net45) (>= net461) (>= netstandard1.5)) (&& (< net45) (>= net461) (< netstandard1.5)) (&& (>= net461) (>= netcoreapp5.0))
      System.Text.Encoding (>= 4.3) - restriction: || (== netstandard2.0) (&& (< net45) (>= net461) (< netstandard1.3)) (&& (< net45) (>= net461) (>= netstandard1.5)) (&& (< net45) (>= net461) (< netstandard1.5)) (&& (>= net461) (>= netcoreapp5.0))
      System.Threading.Tasks (>= 4.3) - restriction: || (== netstandard2.0) (&& (< net45) (>= net461) (< netstandard1.3)) (&& (< net45) (>= net461) (>= netstandard1.5)) (&& (< net45) (>= net461) (< netstandard1.5)) (&& (>= net461) (>= netcoreapp5.0))
    System.Memory (4.5.2) - restriction: || (== netstandard2.0) (&& (< net451) (>= net461) (>= netstandard2.0)) (&& (>= net461) (>= netcoreapp2.0)) (&& (>= net461) (>= uap10.1))
      System.Buffers (>= 4.4)
      System.Numerics.Vectors (>= 4.4)
      System.Runtime.CompilerServices.Unsafe (>= 4.5.2)
    System.Numerics.Vectors (4.5) - restriction: || (== netstandard2.0) (&& (< net45) (>= net461) (>= netstandard2.0)) (&& (< net451) (>= net461) (>= netstandard2.0)) (&& (>= net461) (>= netcoreapp2.0)) (&& (>= net461) (>= uap10.1))
    System.Reflection (4.3) - restriction: || (== netstandard2.0) (&& (< net45) (>= net461)) (&& (>= net461) (>= netcoreapp5.0))
      Microsoft.NETCore.Platforms (>= 1.1) - restriction: || (== netstandard2.0) (&& (< net45) (>= net461) (< netstandard1.3)) (&& (< net45) (>= net461) (>= netstandard1.5)) (&& (< net45) (>= net461) (< netstandard1.5)) (&& (>= net461) (>= netcoreapp5.0))
      Microsoft.NETCore.Targets (>= 1.1) - restriction: || (== netstandard2.0) (&& (< net45) (>= net461) (< netstandard1.3)) (&& (< net45) (>= net461) (>= netstandard1.5)) (&& (< net45) (>= net461) (< netstandard1.5)) (&& (>= net461) (>= netcoreapp5.0))
      System.IO (>= 4.3) - restriction: || (== netstandard2.0) (&& (< net45) (>= net461) (< netstandard1.3)) (&& (< net45) (>= net461) (>= netstandard1.5)) (&& (< net45) (>= net461) (< netstandard1.5)) (&& (>= net461) (>= netcoreapp5.0))
      System.Reflection.Primitives (>= 4.3) - restriction: || (== netstandard2.0) (&& (< net45) (>= net461) (< netstandard1.3)) (&& (< net45) (>= net461) (>= netstandard1.5)) (&& (< net45) (>= net461) (< netstandard1.5)) (&& (>= net461) (>= netcoreapp5.0))
      System.Runtime (>= 4.3) - restriction: || (== netstandard2.0) (&& (< net45) (>= net461) (< netstandard1.3)) (&& (< net45) (>= net461) (>= netstandard1.5)) (&& (< net45) (>= net461) (< netstandard1.5)) (&& (>= net461) (>= netcoreapp5.0))
    System.Reflection.Primitives (4.3) - restriction: || (== netstandard2.0) (&& (< net45) (>= net461) (< netstandard1.3)) (&& (< net45) (>= net461) (>= netstandard1.5)) (&& (< net45) (>= net461) (< netstandard1.5)) (&& (>= net461) (>= netcoreapp5.0))
      Microsoft.NETCore.Platforms (>= 1.1) - restriction: || (== netstandard2.0) (&& (< net45) (>= net461)) (&& (>= net461) (>= netcoreapp5.0))
      Microsoft.NETCore.Targets (>= 1.1) - restriction: || (== netstandard2.0) (&& (< net45) (>= net461)) (&& (>= net461) (>= netcoreapp5.0))
      System.Runtime (>= 4.3) - restriction: || (== netstandard2.0) (&& (< net45) (>= net461)) (&& (>= net461) (>= netcoreapp5.0))
    System.Resources.ResourceManager (4.3) - restriction: || (== netstandard2.0) (&& (< net451) (>= net461))
      Microsoft.NETCore.Platforms (>= 1.1) - restriction: || (== netstandard2.0) (&& (< net45) (>= net461)) (&& (>= net461) (>= netcoreapp5.0))
      Microsoft.NETCore.Targets (>= 1.1) - restriction: || (== netstandard2.0) (&& (< net45) (>= net461)) (&& (>= net461) (>= netcoreapp5.0))
      System.Globalization (>= 4.3) - restriction: || (== netstandard2.0) (&& (< net45) (>= net461)) (&& (>= net461) (>= netcoreapp5.0))
      System.Reflection (>= 4.3) - restriction: || (== netstandard2.0) (&& (< net45) (>= net461)) (&& (>= net461) (>= netcoreapp5.0))
      System.Runtime (>= 4.3) - restriction: || (== netstandard2.0) (&& (< net45) (>= net461)) (&& (>= net461) (>= netcoreapp5.0))
    System.Runtime (4.3.1) - restriction: || (== netstandard2.0) (&& (< net45) (>= net461) (< netstandard1.3)) (&& (< net45) (>= net461) (>= netstandard1.5)) (&& (< net45) (>= net461) (< netstandard1.5)) (&& (< net451) (>= net461)) (&& (>= net461) (>= netcoreapp5.0))
      Microsoft.NETCore.Platforms (>= 1.1.1) - restriction: || (== netstandard2.0) (&& (< net45) (>= net461) (< netstandard1.2)) (&& (< net45) (>= net461) (< netstandard1.3)) (&& (< net45) (>= net461) (>= netstandard1.5)) (&& (< net45) (>= net461) (< netstandard1.5)) (&& (>= net461) (>= netcoreapp5.0))
      Microsoft.NETCore.Targets (>= 1.1.3) - restriction: || (== netstandard2.0) (&& (< net45) (>= net461) (< netstandard1.2)) (&& (< net45) (>= net461) (< netstandard1.3)) (&& (< net45) (>= net461) (>= netstandard1.5)) (&& (< net45) (>= net461) (< netstandard1.5)) (&& (>= net461) (>= netcoreapp5.0))
    System.Runtime.Caching (4.5)
    System.Runtime.CompilerServices.Unsafe (4.5.2) - restriction: || (== netstandard2.0) (&& (>= monoandroid) (>= net461) (>= netstandard2.0)) (&& (>= monotouch) (>= net461) (>= netstandard2.0)) (&& (< net45) (>= net461) (>= netstandard2.0)) (&& (< net451) (>= net461) (>= netstandard2.0)) (&& (>= net461) (>= netcoreapp2.0)) (&& (>= net461) (< netstandard1.1) (>= netstandard2.0)) (&& (>= net461) (>= netstandard2.0) (>= xamarintvos)) (&& (>= net461) (>= netstandard2.0) (>= xamarinwatchos)) (&& (>= net461) (>= uap10.1)) (&& (>= net461) (>= xamarinios)) (&& (>= net461) (>= xamarinmac))
    System.Runtime.Extensions (4.3.1) - restriction: || (== netstandard2.0) (&& (< net451) (>= net461))
      Microsoft.NETCore.Platforms (>= 1.1.1) - restriction: || (== netstandard2.0) (&& (< net45) (>= net461) (< netstandard1.3)) (&& (< net45) (>= net461) (>= netstandard1.5)) (&& (< net45) (>= net461) (< netstandard1.5)) (&& (>= net461) (>= netcoreapp5.0))
      Microsoft.NETCore.Targets (>= 1.1.3) - restriction: || (== netstandard2.0) (&& (< net45) (>= net461) (< netstandard1.3)) (&& (< net45) (>= net461) (>= netstandard1.5)) (&& (< net45) (>= net461) (< netstandard1.5)) (&& (>= net461) (>= netcoreapp5.0))
      System.Runtime (>= 4.3.1) - restriction: || (== netstandard2.0) (&& (< net45) (>= net461) (< netstandard1.3)) (&& (< net45) (>= net461) (>= netstandard1.5)) (&& (< net45) (>= net461) (< netstandard1.5)) (&& (>= net461) (>= netcoreapp5.0))
    System.Security.AccessControl (4.5)
      System.Security.Principal.Windows (>= 4.5)
    System.Security.Cryptography.ProtectedData (4.5) - restriction: == netstandard2.0
      System.Memory (>= 4.5) - restriction: || (== netstandard2.0) (&& (< net46) (>= net461) (>= netstandard2.0))
    System.Security.Permissions (4.5)
      System.Security.AccessControl (>= 4.5)
    System.Security.Principal.Windows (4.5.1) - restriction: || (== netstandard2.0) (&& (< net451) (>= net461) (>= netstandard2.0)) (&& (>= net461) (>= netcoreapp2.0))
    System.Text.Encoding (4.3) - condition: instrumented, restriction: || (== netstandard2.0) (&& (< net45) (>= net461)) (&& (>= net461) (>= netcoreapp1.1))
      Microsoft.NETCore.Platforms (>= 1.1) - restriction: || (== netstandard2.0) (&& (< net45) (>= net461)) (&& (>= net461) (>= netcoreapp5.0))
      Microsoft.NETCore.Targets (>= 1.1) - restriction: || (== netstandard2.0) (&& (< net45) (>= net461)) (&& (>= net461) (>= netcoreapp5.0))
      System.Runtime (>= 4.3) - restriction: || (== netstandard2.0) (&& (< net45) (>= net461)) (&& (>= net461) (>= netcoreapp5.0))
    System.Text.Encoding.CodePages (4.5.1) - restriction: || (== netstandard2.0) (&& (< net451) (>= net461) (>= netstandard2.0)) (&& (>= net461) (>= netcoreapp2.0))
      System.Runtime.CompilerServices.Unsafe (>= 4.5.2)
    System.Text.RegularExpressions (4.3) - restriction: || (== netstandard2.0) (&& (< net451) (>= net461))
      System.Collections (>= 4.3) - restriction: || (== netstandard2.0) (&& (< net45) (>= net461) (>= netstandard1.6)) (&& (>= net461) (>= netcoreapp5.0))
      System.Globalization (>= 4.3) - restriction: || (== netstandard2.0) (&& (< net45) (>= net461) (>= netstandard1.6)) (&& (>= net461) (>= netcoreapp5.0))
      System.Resources.ResourceManager (>= 4.3) - restriction: || (== netstandard2.0) (&& (< net45) (>= net461) (>= netstandard1.6)) (&& (>= net461) (>= netcoreapp5.0))
      System.Runtime (>= 4.3) - restriction: || (== netstandard2.0) (&& (< net45) (>= net461) (< netstandard1.3)) (&& (< net45) (>= net461) (>= netstandard1.6)) (&& (< net45) (>= net461) (< netstandard1.6)) (&& (>= net461) (>= netcoreapp1.1))
      System.Runtime.Extensions (>= 4.3) - restriction: || (== netstandard2.0) (&& (< net45) (>= net461) (>= netstandard1.6)) (&& (>= net461) (>= netcoreapp5.0))
      System.Threading (>= 4.3) - restriction: || (== netstandard2.0) (&& (< net45) (>= net461) (>= netstandard1.6)) (&& (>= net461) (>= netcoreapp5.0))
    System.Threading (4.3) - restriction: || (== netstandard2.0) (&& (< net45) (>= net461) (>= netstandard1.6)) (&& (>= net461) (>= netcoreapp5.0))
      System.Runtime (>= 4.3) - restriction: || (== netstandard2.0) (&& (< net45) (>= net461)) (&& (>= net461) (>= netcoreapp5.0))
      System.Threading.Tasks (>= 4.3) - restriction: || (== netstandard2.0) (&& (< net45) (>= net461)) (&& (>= net461) (>= netcoreapp5.0))
    System.Threading.Tasks (4.3) - restriction: || (== netstandard2.0) (&& (< net451) (>= net461))
      Microsoft.NETCore.Platforms (>= 1.1) - restriction: || (== netstandard2.0) (&& (< net45) (>= net461)) (&& (>= net461) (>= netcoreapp5.0))
      Microsoft.NETCore.Targets (>= 1.1) - restriction: || (== netstandard2.0) (&& (< net45) (>= net461)) (&& (>= net461) (>= netcoreapp5.0))
      System.Runtime (>= 4.3) - restriction: || (== netstandard2.0) (&& (< net45) (>= net461)) (&& (>= net461) (>= netcoreapp5.0))

GROUP Net40
RESTRICTION: == net40
NUGET
  remote: https://www.nuget.org/api/v2
    FSharp.Core (4.1.18)

GROUP Samples
RESTRICTION: >= net40
NUGET
  remote: https://www.nuget.org/api/v2
    FSharp.Core (4.5.2)
    FSharp.Data.SqlClient (1.8.4)
    Microsoft.AspNet.WebApi (5.2.6)
      Microsoft.AspNet.WebApi.WebHost (>= 5.2.6 < 5.3)
    Microsoft.AspNet.WebApi.Client (5.2.6)
      Newtonsoft.Json (>= 6.0.4) - restriction: || (&& (>= net40) (< netstandard2.0) (>= portable-net45+win8+wp8+wp81+wpa81)) (>= net45)
    Microsoft.AspNet.WebApi.Core (5.2.6)
      Microsoft.AspNet.WebApi.Client (>= 5.2.6)
    Microsoft.AspNet.WebApi.WebHost (5.2.6)
      Microsoft.AspNet.WebApi.Core (>= 5.2.6 < 5.3)
    Newtonsoft.Json (11.0.2)

GROUP Test
RESTRICTION: || (== net461) (== netcoreapp2.0)
NUGET
  remote: https://www.nuget.org/api/v2
    FSharp.Core (4.5.2) - redirects: force
    Microsoft.CodeCoverage (15.9) - restriction: || (&& (== net461) (>= netcoreapp1.0)) (== netcoreapp2.0)
    Microsoft.DotNet.PlatformAbstractions (2.1) - restriction: || (&& (== net461) (>= netcoreapp1.0)) (== netcoreapp2.0)
      System.AppContext (>= 4.1) - restriction: || (&& (== net461) (< net45)) (== netcoreapp2.0)
      System.Collections (>= 4.0.11) - restriction: || (&& (== net461) (< net45)) (== netcoreapp2.0)
      System.IO (>= 4.1) - restriction: || (&& (== net461) (< net45)) (== netcoreapp2.0)
      System.IO.FileSystem (>= 4.0.1) - restriction: || (&& (== net461) (< net45)) (== netcoreapp2.0)
      System.Reflection.TypeExtensions (>= 4.1) - restriction: || (&& (== net461) (< net45)) (== netcoreapp2.0)
      System.Runtime.Extensions (>= 4.1) - restriction: || (&& (== net461) (< net45)) (== netcoreapp2.0)
      System.Runtime.InteropServices (>= 4.1) - restriction: || (&& (== net461) (< net45)) (== netcoreapp2.0)
      System.Runtime.InteropServices.RuntimeInformation (>= 4.0)
    Microsoft.Extensions.DependencyModel (2.1) - restriction: || (&& (== net461) (>= netcoreapp1.0)) (== netcoreapp2.0)
      Microsoft.DotNet.PlatformAbstractions (>= 2.1)
      Newtonsoft.Json (>= 9.0.1)
      System.Diagnostics.Debug (>= 4.0.11) - restriction: || (&& (== net461) (< net451)) (== netcoreapp2.0)
      System.Dynamic.Runtime (>= 4.0.11) - restriction: || (&& (== net461) (< net451)) (== netcoreapp2.0)
      System.Linq (>= 4.1) - restriction: || (&& (== net461) (< net451)) (== netcoreapp2.0)
    Microsoft.NET.Test.Sdk (15.9) - restriction: || (&& (== net461) (>= netcoreapp1.0)) (== netcoreapp2.0)
      Microsoft.CodeCoverage (>= 15.9)
      Microsoft.TestPlatform.TestHost (>= 15.9) - restriction: || (&& (== net461) (>= netcoreapp1.0)) (== netcoreapp2.0)
    Microsoft.NETCore.Platforms (2.1.1) - restriction: || (&& (== net461) (>= netcoreapp2.0)) (== netcoreapp2.0)
    Microsoft.NETCore.Targets (2.1) - restriction: || (&& (== net461) (>= netcoreapp1.0)) (== netcoreapp2.0)
    Microsoft.SqlServer.Types (12.0.5000)
    Microsoft.TestPlatform.ObjectModel (15.9) - restriction: || (&& (== net461) (>= netcoreapp1.0)) (== netcoreapp2.0)
      NETStandard.Library (>= 1.6) - restriction: || (&& (== net461) (< net451) (>= netstandard1.5)) (== netcoreapp2.0)
      System.ComponentModel.EventBasedAsync (>= 4.0.11) - restriction: || (&& (== net461) (< net451) (>= netstandard1.5)) (== netcoreapp2.0)
      System.ComponentModel.TypeConverter (>= 4.1) - restriction: || (&& (== net461) (< net451)) (== netcoreapp2.0)
      System.Diagnostics.Process (>= 4.1) - restriction: || (&& (== net461) (< net451) (>= netstandard1.5)) (== netcoreapp2.0)
      System.Diagnostics.TextWriterTraceListener (>= 4.0) - restriction: || (&& (== net461) (< net451) (>= netstandard1.5)) (== netcoreapp2.0)
      System.Diagnostics.TraceSource (>= 4.0) - restriction: || (&& (== net461) (< net451) (>= netstandard1.5)) (== netcoreapp2.0)
      System.Reflection.Metadata (>= 1.3)
      System.Reflection.TypeExtensions (>= 4.1) - restriction: || (&& (== net461) (< net451) (>= netstandard1.5)) (== netcoreapp2.0)
      System.Runtime.InteropServices.RuntimeInformation (>= 4.0) - restriction: || (&& (== net461) (< net451)) (== netcoreapp2.0)
      System.Runtime.Loader (>= 4.0) - restriction: || (&& (== net461) (< net451) (>= netstandard1.5)) (== netcoreapp2.0)
      System.Runtime.Serialization.Json (>= 4.0.2) - restriction: || (&& (== net461) (< net451) (>= netstandard1.5)) (== netcoreapp2.0)
      System.Runtime.Serialization.Primitives (>= 4.1.1) - restriction: || (&& (== net461) (< net451) (>= netstandard1.5)) (== netcoreapp2.0)
      System.Threading.Thread (>= 4.0) - restriction: || (&& (== net461) (< net451) (>= netstandard1.5)) (== netcoreapp2.0)
      System.Xml.XPath.XmlDocument (>= 4.0.1) - restriction: || (&& (== net461) (< net451) (>= netstandard1.5)) (== netcoreapp2.0)
    Microsoft.TestPlatform.TestHost (15.9) - restriction: || (&& (== net461) (>= netcoreapp1.0)) (== netcoreapp2.0)
      Microsoft.Extensions.DependencyModel (>= 1.0.3) - restriction: || (&& (== net461) (>= netcoreapp1.0)) (== netcoreapp2.0)
      Microsoft.TestPlatform.ObjectModel (>= 15.9) - restriction: || (&& (== net461) (>= netcoreapp1.0)) (&& (== net461) (>= uap10.0)) (== netcoreapp2.0)
      Newtonsoft.Json (>= 9.0.1) - restriction: || (&& (== net461) (>= netcoreapp1.0)) (&& (== net461) (>= uap10.0)) (== netcoreapp2.0)
    Microsoft.Win32.Primitives (4.3) - restriction: || (&& (== net461) (>= netcoreapp1.0)) (== netcoreapp2.0)
      Microsoft.NETCore.Platforms (>= 1.1) - restriction: || (&& (== net461) (< net46)) (== netcoreapp2.0)
      Microsoft.NETCore.Targets (>= 1.1) - restriction: || (&& (== net461) (< net46)) (== netcoreapp2.0)
      System.Runtime (>= 4.3) - restriction: || (&& (== net461) (< net46)) (== netcoreapp2.0)
    Microsoft.Win32.Registry (4.5) - restriction: || (&& (== net461) (< net451) (>= netstandard2.0)) (&& (== net461) (>= netcoreapp2.0)) (== netcoreapp2.0)
      System.Memory (>= 4.5) - restriction: || (&& (== net461) (< net46) (>= netstandard2.0)) (&& (== net461) (>= netcoreapp2.0)) (&& (== net461) (>= uap10.1)) (== netcoreapp2.0)
      System.Security.AccessControl (>= 4.5)
      System.Security.Principal.Windows (>= 4.5)
    NETStandard.Library (2.0.3) - restriction: || (&& (== net461) (< net452)) (== netcoreapp2.0)
      Microsoft.NETCore.Platforms (>= 1.1)
    Newtonsoft.Json (11.0.2)
    runtime.native.System (4.3.1) - restriction: || (&& (== net461) (>= netcoreapp1.0)) (== netcoreapp2.0)
      Microsoft.NETCore.Platforms (>= 1.1.1)
      Microsoft.NETCore.Targets (>= 1.1.3)
    runtime.native.System.Data.SqlClient.sni (4.5) - restriction: || (&& (== net461) (< net451)) (&& (== net461) (>= netcoreapp2.0)) (== netcoreapp2.0)
      runtime.win-arm64.runtime.native.System.Data.SqlClient.sni (>= 4.4)
      runtime.win-x64.runtime.native.System.Data.SqlClient.sni (>= 4.4)
      runtime.win-x86.runtime.native.System.Data.SqlClient.sni (>= 4.4)
    runtime.win-arm64.runtime.native.System.Data.SqlClient.sni (4.4) - restriction: || (&& (== net461) (< net451)) (&& (== net461) (>= netcoreapp2.0)) (== netcoreapp2.0)
    runtime.win-x64.runtime.native.System.Data.SqlClient.sni (4.4) - restriction: || (&& (== net461) (< net451)) (&& (== net461) (>= netcoreapp2.0)) (== netcoreapp2.0)
    runtime.win-x86.runtime.native.System.Data.SqlClient.sni (4.4) - restriction: || (&& (== net461) (< net451)) (&& (== net461) (>= netcoreapp2.0)) (== netcoreapp2.0)
    System.AppContext (4.3) - restriction: || (&& (== net461) (>= netcoreapp1.0)) (== netcoreapp2.0)
      System.Runtime (>= 4.3) - restriction: || (&& (== net461) (< net46)) (&& (== net461) (< netstandard1.3)) (== netcoreapp2.0)
    System.Collections (4.3) - restriction: || (&& (== net461) (>= netcoreapp1.0)) (== netcoreapp2.0)
      Microsoft.NETCore.Platforms (>= 1.1) - restriction: || (&& (== net461) (< net45)) (&& (== net461) (< portable-net45+win8+wp8+wpa81)) (== netcoreapp2.0)
      Microsoft.NETCore.Targets (>= 1.1) - restriction: || (&& (== net461) (< net45)) (&& (== net461) (< portable-net45+win8+wp8+wpa81)) (== netcoreapp2.0)
      System.Runtime (>= 4.3) - restriction: || (&& (== net461) (< net45)) (&& (== net461) (< portable-net45+win8+wp8+wpa81)) (== netcoreapp2.0)
    System.Collections.Concurrent (4.3) - restriction: || (&& (== net461) (>= netcoreapp1.0)) (== netcoreapp2.0)
      System.Collections (>= 4.3) - restriction: || (&& (== net461) (< net45)) (&& (== net461) (< portable-net45+win8+wpa81)) (== netcoreapp2.0)
      System.Diagnostics.Debug (>= 4.3) - restriction: || (&& (== net461) (< net45)) (&& (== net461) (< portable-net45+win8+wpa81)) (== netcoreapp2.0)
      System.Diagnostics.Tracing (>= 4.3) - restriction: || (&& (== net461) (< net45)) (&& (== net461) (< portable-net45+win8+wpa81)) (== netcoreapp2.0)
      System.Globalization (>= 4.3) - restriction: || (&& (== net461) (< net45)) (&& (== net461) (< portable-net45+win8+wpa81)) (== netcoreapp2.0)
      System.Reflection (>= 4.3) - restriction: || (&& (== net461) (< net45)) (== netcoreapp2.0)
      System.Resources.ResourceManager (>= 4.3) - restriction: || (&& (== net461) (< net45)) (&& (== net461) (< portable-net45+win8+wpa81)) (== netcoreapp2.0)
      System.Runtime (>= 4.3) - restriction: || (&& (== net461) (< net45)) (&& (== net461) (< portable-net45+win8+wpa81)) (== netcoreapp2.0)
      System.Runtime.Extensions (>= 4.3) - restriction: || (&& (== net461) (< net45)) (&& (== net461) (< portable-net45+win8+wpa81)) (== netcoreapp2.0)
      System.Threading (>= 4.3) - restriction: || (&& (== net461) (< net45)) (&& (== net461) (< portable-net45+win8+wpa81)) (== netcoreapp2.0)
      System.Threading.Tasks (>= 4.3) - restriction: || (&& (== net461) (< net45)) (&& (== net461) (< portable-net45+win8+wpa81)) (== netcoreapp2.0)
    System.Collections.Immutable (1.5) - restriction: || (&& (== net461) (>= netcoreapp1.0)) (== netcoreapp2.0)
    System.Collections.NonGeneric (4.3) - restriction: || (&& (== net461) (>= netcoreapp1.0)) (== netcoreapp2.0)
      System.Diagnostics.Debug (>= 4.3) - restriction: || (&& (== net461) (< net46)) (== netcoreapp2.0)
      System.Globalization (>= 4.3) - restriction: || (&& (== net461) (< net46)) (== netcoreapp2.0)
      System.Resources.ResourceManager (>= 4.3) - restriction: || (&& (== net461) (< net46)) (== netcoreapp2.0)
      System.Runtime (>= 4.3) - restriction: || (&& (== net461) (< net46)) (== netcoreapp2.0)
      System.Runtime.Extensions (>= 4.3) - restriction: || (&& (== net461) (< net46)) (== netcoreapp2.0)
      System.Threading (>= 4.3) - restriction: || (&& (== net461) (< net46)) (== netcoreapp2.0)
    System.Collections.Specialized (4.3) - restriction: || (&& (== net461) (>= netcoreapp1.0)) (== netcoreapp2.0)
      System.Collections.NonGeneric (>= 4.3) - restriction: || (&& (== net461) (< net46)) (== netcoreapp2.0)
      System.Globalization (>= 4.3) - restriction: || (&& (== net461) (< net46)) (== netcoreapp2.0)
      System.Globalization.Extensions (>= 4.3) - restriction: || (&& (== net461) (< net46)) (== netcoreapp2.0)
      System.Resources.ResourceManager (>= 4.3) - restriction: || (&& (== net461) (< net46)) (== netcoreapp2.0)
      System.Runtime (>= 4.3) - restriction: || (&& (== net461) (< net46)) (== netcoreapp2.0)
      System.Runtime.Extensions (>= 4.3) - restriction: || (&& (== net461) (< net46)) (== netcoreapp2.0)
      System.Threading (>= 4.3) - restriction: || (&& (== net461) (< net46)) (== netcoreapp2.0)
    System.ComponentModel (4.3) - restriction: || (&& (== net461) (>= netcoreapp1.0)) (== netcoreapp2.0)
      System.Runtime (>= 4.3) - restriction: || (&& (== net461) (< net45)) (&& (== net461) (< portable-net45+win8+wp8+wpa81)) (== netcoreapp2.0)
    System.ComponentModel.EventBasedAsync (4.3) - restriction: || (&& (== net461) (>= netcoreapp1.0)) (== netcoreapp2.0)
      System.Resources.ResourceManager (>= 4.3) - restriction: || (&& (== net461) (< net45)) (&& (== net461) (< portable-net45+win8+wp8+wpa81)) (== netcoreapp2.0)
      System.Runtime (>= 4.3) - restriction: || (&& (== net461) (< net45)) (&& (== net461) (< portable-net45+win8+wp8+wpa81)) (== netcoreapp2.0)
      System.Threading (>= 4.3) - restriction: || (&& (== net461) (< net45)) (&& (== net461) (< portable-net45+win8+wp8+wpa81)) (== netcoreapp2.0)
      System.Threading.Tasks (>= 4.3) - restriction: || (&& (== net461) (< net45)) (&& (== net461) (< portable-net45+win8+wp8+wpa81)) (== netcoreapp2.0)
    System.ComponentModel.Primitives (4.3) - restriction: || (&& (== net461) (>= netcoreapp1.0)) (== netcoreapp2.0)
      System.ComponentModel (>= 4.3) - restriction: || (&& (== net461) (< net45)) (== netcoreapp2.0)
      System.Resources.ResourceManager (>= 4.3) - restriction: || (&& (== net461) (< net45)) (== netcoreapp2.0)
      System.Runtime (>= 4.3) - restriction: || (&& (== net461) (< net45)) (== netcoreapp2.0)
    System.ComponentModel.TypeConverter (4.3) - restriction: || (&& (== net461) (>= netcoreapp1.0)) (== netcoreapp2.0)
      System.Collections (>= 4.3) - restriction: || (&& (== net461) (< net45)) (== netcoreapp2.0)
      System.Collections.NonGeneric (>= 4.3) - restriction: || (&& (== net461) (< net45) (>= netstandard1.5)) (&& (== net461) (>= net462)) (== netcoreapp2.0)
      System.Collections.Specialized (>= 4.3) - restriction: || (&& (== net461) (< net45) (>= netstandard1.5)) (== netcoreapp2.0)
      System.ComponentModel (>= 4.3) - restriction: || (&& (== net461) (< net45)) (== netcoreapp2.0)
      System.ComponentModel.Primitives (>= 4.3)
      System.Globalization (>= 4.3) - restriction: || (&& (== net461) (< net45)) (== netcoreapp2.0)
      System.Linq (>= 4.3) - restriction: || (&& (== net461) (< net45) (>= netstandard1.5)) (== netcoreapp2.0)
      System.Reflection (>= 4.3) - restriction: || (&& (== net461) (< net45)) (== netcoreapp2.0)
      System.Reflection.Extensions (>= 4.3) - restriction: || (&& (== net461) (< net45)) (== netcoreapp2.0)
      System.Reflection.Primitives (>= 4.3) - restriction: || (&& (== net461) (< net45)) (== netcoreapp2.0)
      System.Reflection.TypeExtensions (>= 4.3) - restriction: || (&& (== net461) (< net45) (>= netstandard1.5)) (== netcoreapp2.0)
      System.Resources.ResourceManager (>= 4.3) - restriction: || (&& (== net461) (< net45)) (== netcoreapp2.0)
      System.Runtime (>= 4.3) - restriction: || (&& (== net461) (< net45)) (== netcoreapp2.0)
      System.Runtime.Extensions (>= 4.3) - restriction: || (&& (== net461) (< net45)) (== netcoreapp2.0)
      System.Threading (>= 4.3) - restriction: || (&& (== net461) (< net45)) (== netcoreapp2.0)
    System.Configuration.ConfigurationManager (4.5)
      System.Security.Cryptography.ProtectedData (>= 4.5) - restriction: == netcoreapp2.0
      System.Security.Permissions (>= 4.5)
    System.Data.SqlClient (4.5.1)
      Microsoft.Win32.Registry (>= 4.5) - restriction: || (&& (== net461) (< net451) (>= netstandard2.0)) (&& (== net461) (>= netcoreapp2.0)) (== netcoreapp2.0)
      runtime.native.System.Data.SqlClient.sni (>= 4.4) - restriction: || (&& (== net461) (< net451)) (&& (== net461) (>= netcoreapp2.0)) (== netcoreapp2.0)
      System.Diagnostics.DiagnosticSource (>= 4.5) - restriction: || (&& (== net461) (< net451) (>= netstandard2.0)) (&& (== net461) (>= netcoreapp2.0)) (&& (== net461) (>= uap10.1)) (== netcoreapp2.0)
      System.Memory (>= 4.5.1) - restriction: || (&& (== net461) (< net451) (>= netstandard2.0)) (&& (== net461) (>= netcoreapp2.0)) (&& (== net461) (>= uap10.1)) (== netcoreapp2.0)
      System.Security.Principal.Windows (>= 4.5) - restriction: || (&& (== net461) (< net451) (>= netstandard2.0)) (&& (== net461) (>= netcoreapp2.0)) (== netcoreapp2.0)
      System.Text.Encoding.CodePages (>= 4.5) - restriction: || (&& (== net461) (< net451) (>= netstandard2.0)) (&& (== net461) (>= netcoreapp2.0)) (== netcoreapp2.0)
    System.Diagnostics.Debug (4.3) - restriction: || (&& (== net461) (>= netcoreapp1.0)) (== netcoreapp2.0)
      Microsoft.NETCore.Platforms (>= 1.1) - restriction: || (&& (== net461) (< net45)) (&& (== net461) (< portable-net45+win8+wp8+wpa81)) (== netcoreapp2.0)
      Microsoft.NETCore.Targets (>= 1.1) - restriction: || (&& (== net461) (< net45)) (&& (== net461) (< portable-net45+win8+wp8+wpa81)) (== netcoreapp2.0)
      System.Runtime (>= 4.3) - restriction: || (&& (== net461) (< net45)) (&& (== net461) (< portable-net45+win8+wp8+wpa81)) (== netcoreapp2.0)
    System.Diagnostics.DiagnosticSource (4.5.1) - restriction: || (&& (== net461) (< net451) (>= netstandard2.0)) (&& (== net461) (>= netcoreapp2.0)) (&& (== net461) (>= uap10.1)) (== netcoreapp2.0)
    System.Diagnostics.Process (4.3) - restriction: || (&& (== net461) (>= netcoreapp1.0)) (== netcoreapp2.0)
      Microsoft.NETCore.Platforms (>= 1.1) - restriction: || (&& (== net461) (< net46)) (== netcoreapp2.0)
      Microsoft.Win32.Primitives (>= 4.3) - restriction: || (&& (== net461) (< net46)) (== netcoreapp2.0)
      Microsoft.Win32.Registry (>= 4.3) - restriction: || (&& (== net461) (< net46)) (== netcoreapp2.0)
      runtime.native.System (>= 4.3) - restriction: || (&& (== net461) (< net46)) (== netcoreapp2.0)
      System.Collections (>= 4.3) - restriction: || (&& (== net461) (< net46)) (== netcoreapp2.0)
      System.Diagnostics.Debug (>= 4.3) - restriction: || (&& (== net461) (< net46)) (== netcoreapp2.0)
      System.Globalization (>= 4.3) - restriction: || (&& (== net461) (< net46)) (== netcoreapp2.0)
      System.IO (>= 4.3) - restriction: || (&& (== net461) (< net46)) (== netcoreapp2.0)
      System.IO.FileSystem (>= 4.3) - restriction: || (&& (== net461) (< net46)) (== netcoreapp2.0)
      System.IO.FileSystem.Primitives (>= 4.3) - restriction: || (&& (== net461) (< net46)) (== netcoreapp2.0)
      System.Resources.ResourceManager (>= 4.3) - restriction: || (&& (== net461) (< net46)) (== netcoreapp2.0)
      System.Runtime (>= 4.3) - restriction: || (&& (== net461) (< net46)) (== netcoreapp2.0)
      System.Runtime.Extensions (>= 4.3) - restriction: || (&& (== net461) (< net46)) (== netcoreapp2.0)
      System.Runtime.Handles (>= 4.3) - restriction: || (&& (== net461) (< net46)) (== netcoreapp2.0)
      System.Runtime.InteropServices (>= 4.3) - restriction: || (&& (== net461) (< net46)) (== netcoreapp2.0)
      System.Text.Encoding (>= 4.3) - restriction: || (&& (== net461) (< net46)) (== netcoreapp2.0)
      System.Text.Encoding.Extensions (>= 4.3) - restriction: || (&& (== net461) (< net46)) (== netcoreapp2.0)
      System.Threading (>= 4.3) - restriction: || (&& (== net461) (< net46)) (== netcoreapp2.0)
      System.Threading.Tasks (>= 4.3) - restriction: || (&& (== net461) (< net46)) (== netcoreapp2.0)
      System.Threading.Thread (>= 4.3) - restriction: || (&& (== net461) (< net46)) (== netcoreapp2.0)
      System.Threading.ThreadPool (>= 4.3) - restriction: || (&& (== net461) (< net46)) (== netcoreapp2.0)
    System.Diagnostics.TextWriterTraceListener (4.3) - restriction: || (&& (== net461) (>= netcoreapp1.0)) (== netcoreapp2.0)
      System.Diagnostics.TraceSource (>= 4.3)
      System.Globalization (>= 4.3) - restriction: || (&& (== net461) (< net46)) (== netcoreapp2.0)
      System.IO (>= 4.3) - restriction: || (&& (== net461) (< net46)) (== netcoreapp2.0)
      System.Resources.ResourceManager (>= 4.3) - restriction: || (&& (== net461) (< net46)) (== netcoreapp2.0)
      System.Runtime (>= 4.3) - restriction: || (&& (== net461) (< net46)) (== netcoreapp2.0)
      System.Threading (>= 4.3) - restriction: || (&& (== net461) (< net46)) (== netcoreapp2.0)
    System.Diagnostics.Tools (4.3) - restriction: || (&& (== net461) (>= netcoreapp1.0)) (== netcoreapp2.0)
      Microsoft.NETCore.Platforms (>= 1.1) - restriction: || (&& (== net461) (< net45)) (&& (== net461) (< portable-net45+win8+wp8+wpa81)) (== netcoreapp2.0)
      Microsoft.NETCore.Targets (>= 1.1) - restriction: || (&& (== net461) (< net45)) (&& (== net461) (< portable-net45+win8+wp8+wpa81)) (== netcoreapp2.0)
      System.Runtime (>= 4.3) - restriction: || (&& (== net461) (< net45)) (&& (== net461) (< portable-net45+win8+wp8+wpa81)) (== netcoreapp2.0)
    System.Diagnostics.TraceSource (4.3) - restriction: || (&& (== net461) (>= netcoreapp1.0)) (== netcoreapp2.0)
      Microsoft.NETCore.Platforms (>= 1.1) - restriction: || (&& (== net461) (< net46)) (== netcoreapp2.0)
      runtime.native.System (>= 4.3) - restriction: || (&& (== net461) (< net46)) (== netcoreapp2.0)
      System.Collections (>= 4.3) - restriction: || (&& (== net461) (< net46)) (== netcoreapp2.0)
      System.Diagnostics.Debug (>= 4.3) - restriction: || (&& (== net461) (< net46)) (== netcoreapp2.0)
      System.Globalization (>= 4.3) - restriction: || (&& (== net461) (< net46)) (== netcoreapp2.0)
      System.Resources.ResourceManager (>= 4.3) - restriction: || (&& (== net461) (< net46)) (== netcoreapp2.0)
      System.Runtime (>= 4.3) - restriction: || (&& (== net461) (< net46)) (== netcoreapp2.0)
      System.Runtime.Extensions (>= 4.3) - restriction: || (&& (== net461) (< net46)) (== netcoreapp2.0)
      System.Threading (>= 4.3) - restriction: || (&& (== net461) (< net46)) (== netcoreapp2.0)
    System.Diagnostics.Tracing (4.3) - restriction: || (&& (== net461) (>= netcoreapp1.0)) (== netcoreapp2.0)
      Microsoft.NETCore.Platforms (>= 1.1) - restriction: || (&& (== net461) (< net45)) (&& (== net461) (< portable-net45+win8+wpa81)) (== netcoreapp2.0)
      Microsoft.NETCore.Targets (>= 1.1) - restriction: || (&& (== net461) (< net45)) (&& (== net461) (< portable-net45+win8+wpa81)) (== netcoreapp2.0)
      System.Runtime (>= 4.3) - restriction: || (&& (== net461) (< net45)) (&& (== net461) (< portable-net45+win8+wpa81)) (== netcoreapp2.0)
    System.Dynamic.Runtime (4.3) - restriction: || (&& (== net461) (>= netcoreapp1.0)) (== netcoreapp2.0)
      System.Collections (>= 4.3) - restriction: || (&& (== net461) (< net45)) (&& (== net461) (< portable-net45+win8+wp8+wpa81)) (== netcoreapp2.0)
      System.Diagnostics.Debug (>= 4.3) - restriction: || (&& (== net461) (< net45)) (&& (== net461) (< portable-net45+win8+wp8+wpa81)) (== netcoreapp2.0)
      System.Linq (>= 4.3) - restriction: || (&& (== net461) (< net45)) (&& (== net461) (< portable-net45+win8+wp8+wpa81)) (== netcoreapp2.0)
      System.Linq.Expressions (>= 4.3) - restriction: || (&& (== net461) (< net45)) (&& (== net461) (< portable-net45+win8+wp8+wpa81)) (== netcoreapp2.0)
      System.ObjectModel (>= 4.3) - restriction: || (&& (== net461) (< net45)) (&& (== net461) (< portable-net45+win8+wp8+wpa81)) (== netcoreapp2.0)
      System.Reflection (>= 4.3) - restriction: || (&& (== net461) (< net45)) (&& (== net461) (< portable-net45+win8+wp8+wpa81)) (== netcoreapp2.0)
      System.Reflection.Emit (>= 4.3) - restriction: || (&& (== net461) (< net45)) (== netcoreapp2.0)
      System.Reflection.Emit.ILGeneration (>= 4.3) - restriction: || (&& (== net461) (< net45)) (== netcoreapp2.0)
      System.Reflection.Primitives (>= 4.3) - restriction: || (&& (== net461) (< net45)) (== netcoreapp2.0)
      System.Reflection.TypeExtensions (>= 4.3) - restriction: || (&& (== net461) (< net45)) (&& (== net461) (< portable-net45+win8+wp8+wpa81)) (== netcoreapp2.0)
      System.Resources.ResourceManager (>= 4.3) - restriction: || (&& (== net461) (< net45)) (&& (== net461) (< portable-net45+win8+wp8+wpa81)) (== netcoreapp2.0)
      System.Runtime (>= 4.3) - restriction: || (&& (== net461) (< net45)) (&& (== net461) (< portable-net45+win8+wp8+wpa81)) (== netcoreapp2.0)
      System.Runtime.Extensions (>= 4.3) - restriction: || (&& (== net461) (< net45)) (&& (== net461) (< portable-net45+win8+wp8+wpa81)) (== netcoreapp2.0)
      System.Threading (>= 4.3) - restriction: || (&& (== net461) (< net45)) (&& (== net461) (< portable-net45+win8+wp8+wpa81)) (== netcoreapp2.0)
    System.Globalization (4.3) - restriction: || (&& (== net461) (>= netcoreapp1.0)) (== netcoreapp2.0)
      Microsoft.NETCore.Platforms (>= 1.1) - restriction: || (&& (== net461) (< net45)) (&& (== net461) (< portable-net45+win8+wp8+wpa81)) (== netcoreapp2.0)
      Microsoft.NETCore.Targets (>= 1.1) - restriction: || (&& (== net461) (< net45)) (&& (== net461) (< portable-net45+win8+wp8+wpa81)) (== netcoreapp2.0)
      System.Runtime (>= 4.3) - restriction: || (&& (== net461) (< net45)) (&& (== net461) (< portable-net45+win8+wp8+wpa81)) (== netcoreapp2.0)
    System.Globalization.Extensions (4.3) - restriction: || (&& (== net461) (>= netcoreapp1.0)) (== netcoreapp2.0)
      Microsoft.NETCore.Platforms (>= 1.1) - restriction: || (&& (== net461) (< net46)) (== netcoreapp2.0)
      System.Globalization (>= 4.3) - restriction: || (&& (== net461) (< net46)) (== netcoreapp2.0)
      System.Resources.ResourceManager (>= 4.3) - restriction: || (&& (== net461) (< net46)) (== netcoreapp2.0)
      System.Runtime (>= 4.3) - restriction: || (&& (== net461) (< net46)) (== netcoreapp2.0)
      System.Runtime.Extensions (>= 4.3) - restriction: || (&& (== net461) (< net46)) (== netcoreapp2.0)
      System.Runtime.InteropServices (>= 4.3) - restriction: || (&& (== net461) (< net46)) (== netcoreapp2.0)
    System.IO (4.3) - restriction: || (&& (== net461) (>= netcoreapp1.0)) (== netcoreapp2.0)
      Microsoft.NETCore.Platforms (>= 1.1) - restriction: || (&& (== net461) (< net45)) (&& (== net461) (< portable-net45+win8+wp8+wpa81)) (== netcoreapp2.0)
      Microsoft.NETCore.Targets (>= 1.1) - restriction: || (&& (== net461) (< net45)) (&& (== net461) (< portable-net45+win8+wp8+wpa81)) (== netcoreapp2.0)
      System.Runtime (>= 4.3) - restriction: || (&& (== net461) (< net45)) (&& (== net461) (< portable-net45+win8+wp8+wpa81)) (== netcoreapp2.0)
      System.Text.Encoding (>= 4.3) - restriction: || (&& (== net461) (< net45)) (&& (== net461) (< portable-net45+win8+wp8+wpa81)) (== netcoreapp2.0)
      System.Threading.Tasks (>= 4.3) - restriction: || (&& (== net461) (< net45)) (&& (== net461) (< portable-net45+win8+wp8+wpa81)) (== netcoreapp2.0)
    System.IO.FileSystem (4.3) - restriction: || (&& (== net461) (>= netcoreapp1.0)) (== netcoreapp2.0)
      Microsoft.NETCore.Platforms (>= 1.1) - restriction: || (&& (== net461) (< net46)) (== netcoreapp2.0)
      Microsoft.NETCore.Targets (>= 1.1) - restriction: || (&& (== net461) (< net46)) (== netcoreapp2.0)
      System.IO (>= 4.3) - restriction: || (&& (== net461) (< net46)) (== netcoreapp2.0)
      System.IO.FileSystem.Primitives (>= 4.3)
      System.Runtime (>= 4.3) - restriction: || (&& (== net461) (< net46)) (== netcoreapp2.0)
      System.Runtime.Handles (>= 4.3) - restriction: || (&& (== net461) (< net46)) (== netcoreapp2.0)
      System.Text.Encoding (>= 4.3) - restriction: || (&& (== net461) (< net46)) (== netcoreapp2.0)
      System.Threading.Tasks (>= 4.3) - restriction: || (&& (== net461) (< net46)) (== netcoreapp2.0)
    System.IO.FileSystem.Primitives (4.3) - restriction: || (&& (== net461) (>= netcoreapp1.0)) (== netcoreapp2.0)
      System.Runtime (>= 4.3) - restriction: || (&& (== net461) (< net46)) (== netcoreapp2.0)
    System.Linq (4.3) - restriction: || (&& (== net461) (>= netcoreapp1.0)) (== netcoreapp2.0)
      System.Collections (>= 4.3) - restriction: || (&& (== net461) (< net45)) (&& (== net461) (< portable-net45+win8+wp8+wpa81)) (== netcoreapp2.0)
      System.Diagnostics.Debug (>= 4.3) - restriction: || (&& (== net461) (< net45) (>= netstandard1.6)) (&& (== net461) (< portable-net45+win8+wp8+wpa81)) (== netcoreapp2.0)
      System.Resources.ResourceManager (>= 4.3) - restriction: || (&& (== net461) (< net45) (>= netstandard1.6)) (&& (== net461) (< portable-net45+win8+wp8+wpa81)) (== netcoreapp2.0)
      System.Runtime (>= 4.3) - restriction: || (&& (== net461) (< net45)) (&& (== net461) (< portable-net45+win8+wp8+wpa81)) (== netcoreapp2.0)
      System.Runtime.Extensions (>= 4.3) - restriction: || (&& (== net461) (< net45) (>= netstandard1.6)) (&& (== net461) (< portable-net45+win8+wp8+wpa81)) (== netcoreapp2.0)
    System.Linq.Expressions (4.3) - restriction: || (&& (== net461) (>= netcoreapp1.0)) (== netcoreapp2.0)
      System.Collections (>= 4.3) - restriction: || (&& (== net461) (< net45) (>= netstandard1.6)) (&& (== net461) (< portable-net45+win8+wp8+wpa81)) (== netcoreapp2.0)
      System.Diagnostics.Debug (>= 4.3) - restriction: || (&& (== net461) (< net45) (>= netstandard1.6)) (&& (== net461) (< portable-net45+win8+wp8+wpa81)) (== netcoreapp2.0)
      System.Globalization (>= 4.3) - restriction: || (&& (== net461) (< net45) (>= netstandard1.6)) (&& (== net461) (< portable-net45+win8+wp8+wpa81)) (== netcoreapp2.0)
      System.IO (>= 4.3) - restriction: || (&& (== net461) (< net45) (>= netstandard1.6)) (&& (== net461) (< portable-net45+win8+wp8+wpa81)) (== netcoreapp2.0)
      System.Linq (>= 4.3) - restriction: || (&& (== net461) (< net45) (>= netstandard1.6)) (&& (== net461) (< portable-net45+win8+wp8+wpa81)) (== netcoreapp2.0)
      System.ObjectModel (>= 4.3) - restriction: || (&& (== net461) (< net45) (>= netstandard1.6)) (== netcoreapp2.0)
      System.Reflection (>= 4.3) - restriction: || (&& (== net461) (< net45)) (&& (== net461) (< portable-net45+win8+wp8+wpa81)) (== netcoreapp2.0)
      System.Reflection.Emit (>= 4.3) - restriction: || (&& (== net461) (< net45) (>= netstandard1.6)) (== netcoreapp2.0)
      System.Reflection.Emit.ILGeneration (>= 4.3) - restriction: || (&& (== net461) (< net45) (>= netstandard1.6)) (&& (== net461) (< portable-net45+win8+wp8+wpa81)) (== netcoreapp2.0)
      System.Reflection.Emit.Lightweight (>= 4.3) - restriction: || (&& (== net461) (< net45) (>= netstandard1.6)) (&& (== net461) (< portable-net45+win8+wp8+wpa81)) (== netcoreapp2.0)
      System.Reflection.Extensions (>= 4.3) - restriction: || (&& (== net461) (< net45) (>= netstandard1.6)) (&& (== net461) (< portable-net45+win8+wp8+wpa81)) (== netcoreapp2.0)
      System.Reflection.Primitives (>= 4.3) - restriction: || (&& (== net461) (< net45) (>= netstandard1.6)) (&& (== net461) (< portable-net45+win8+wp8+wpa81)) (== netcoreapp2.0)
      System.Reflection.TypeExtensions (>= 4.3) - restriction: || (&& (== net461) (< net45) (>= netstandard1.6)) (&& (== net461) (< portable-net45+win8+wp8+wpa81)) (== netcoreapp2.0)
      System.Resources.ResourceManager (>= 4.3) - restriction: || (&& (== net461) (< net45) (>= netstandard1.6)) (&& (== net461) (< portable-net45+win8+wp8+wpa81)) (== netcoreapp2.0)
      System.Runtime (>= 4.3) - restriction: || (&& (== net461) (< net45)) (&& (== net461) (< portable-net45+win8+wp8+wpa81)) (== netcoreapp2.0)
      System.Runtime.Extensions (>= 4.3) - restriction: || (&& (== net461) (< net45) (>= netstandard1.6)) (&& (== net461) (< portable-net45+win8+wp8+wpa81)) (== netcoreapp2.0)
      System.Threading (>= 4.3) - restriction: || (&& (== net461) (< net45) (>= netstandard1.6)) (&& (== net461) (< portable-net45+win8+wp8+wpa81)) (== netcoreapp2.0)
    System.Memory (4.5.1) - restriction: || (&& (== net461) (< net451) (>= netstandard2.0)) (&& (== net461) (>= netcoreapp2.0)) (&& (== net461) (>= uap10.1)) (== netcoreapp2.0)
      System.Runtime.CompilerServices.Unsafe (>= 4.5)
    System.ObjectModel (4.3) - restriction: || (&& (== net461) (>= netcoreapp1.0)) (== netcoreapp2.0)
      System.Collections (>= 4.3) - restriction: || (&& (== net461) (< net45)) (&& (== net461) (< portable-net45+win8+wp8+wpa81)) (== netcoreapp2.0)
      System.Diagnostics.Debug (>= 4.3) - restriction: || (&& (== net461) (< net45)) (&& (== net461) (< portable-net45+win8+wp8+wpa81)) (== netcoreapp2.0)
      System.Resources.ResourceManager (>= 4.3) - restriction: || (&& (== net461) (< net45)) (&& (== net461) (< portable-net45+win8+wp8+wpa81)) (== netcoreapp2.0)
      System.Runtime (>= 4.3) - restriction: || (&& (== net461) (< net45)) (&& (== net461) (< portable-net45+win8+wp8+wpa81)) (== netcoreapp2.0)
      System.Threading (>= 4.3) - restriction: || (&& (== net461) (< net45)) (&& (== net461) (< portable-net45+win8+wp8+wpa81)) (== netcoreapp2.0)
    System.Private.DataContractSerialization (4.3) - restriction: || (&& (== net461) (>= netcoreapp1.0)) (== netcoreapp2.0)
      System.Collections (>= 4.3) - restriction: || (&& (== net461) (< net46)) (&& (== net461) (< netstandard1.3)) (== netcoreapp2.0)
      System.Collections.Concurrent (>= 4.3) - restriction: || (&& (== net461) (< net46)) (&& (== net461) (< netstandard1.3)) (== netcoreapp2.0)
      System.Diagnostics.Debug (>= 4.3) - restriction: || (&& (== net461) (< net46)) (&& (== net461) (< netstandard1.3)) (== netcoreapp2.0)
      System.Globalization (>= 4.3) - restriction: || (&& (== net461) (< net46)) (&& (== net461) (< netstandard1.3)) (== netcoreapp2.0)
      System.IO (>= 4.3) - restriction: || (&& (== net461) (< net46)) (&& (== net461) (< netstandard1.3)) (== netcoreapp2.0)
      System.Linq (>= 4.3) - restriction: || (&& (== net461) (< net46)) (&& (== net461) (< netstandard1.3)) (== netcoreapp2.0)
      System.Reflection (>= 4.3) - restriction: || (&& (== net461) (< net46)) (&& (== net461) (< netstandard1.3)) (== netcoreapp2.0)
      System.Reflection.Emit.ILGeneration (>= 4.3) - restriction: || (&& (== net461) (< net46)) (== netcoreapp2.0)
      System.Reflection.Emit.Lightweight (>= 4.3) - restriction: || (&& (== net461) (< net46)) (== netcoreapp2.0)
      System.Reflection.Extensions (>= 4.3) - restriction: || (&& (== net461) (< net46)) (&& (== net461) (< netstandard1.3)) (== netcoreapp2.0)
      System.Reflection.Primitives (>= 4.3) - restriction: || (&& (== net461) (< net46)) (&& (== net461) (< netstandard1.3)) (== netcoreapp2.0)
      System.Reflection.TypeExtensions (>= 4.3)
      System.Resources.ResourceManager (>= 4.3) - restriction: || (&& (== net461) (< net46)) (&& (== net461) (< netstandard1.3)) (== netcoreapp2.0)
      System.Runtime (>= 4.3) - restriction: || (&& (== net461) (< net46)) (&& (== net461) (< netstandard1.3)) (== netcoreapp2.0)
      System.Runtime.Extensions (>= 4.3) - restriction: || (&& (== net461) (< net46)) (&& (== net461) (< netstandard1.3)) (== netcoreapp2.0)
      System.Runtime.Serialization.Primitives (>= 4.3)
      System.Text.Encoding (>= 4.3) - restriction: || (&& (== net461) (< net46)) (&& (== net461) (< netstandard1.3)) (== netcoreapp2.0)
      System.Text.Encoding.Extensions (>= 4.3) - restriction: || (&& (== net461) (< net46)) (&& (== net461) (< netstandard1.3)) (== netcoreapp2.0)
      System.Text.RegularExpressions (>= 4.3) - restriction: || (&& (== net461) (< net46)) (&& (== net461) (< netstandard1.3)) (== netcoreapp2.0)
      System.Threading (>= 4.3) - restriction: || (&& (== net461) (< net46)) (&& (== net461) (< netstandard1.3)) (== netcoreapp2.0)
      System.Threading.Tasks (>= 4.3) - restriction: || (&& (== net461) (< net46)) (&& (== net461) (< netstandard1.3)) (== netcoreapp2.0)
      System.Xml.ReaderWriter (>= 4.3) - restriction: || (&& (== net461) (< net46)) (&& (== net461) (< netstandard1.3)) (== netcoreapp2.0)
      System.Xml.XDocument (>= 4.3) - restriction: || (&& (== net461) (< net46)) (&& (== net461) (< netstandard1.3)) (== netcoreapp2.0)
      System.Xml.XmlDocument (>= 4.3)
      System.Xml.XmlSerializer (>= 4.3) - restriction: || (&& (== net461) (< net46)) (&& (== net461) (< netstandard1.3)) (== netcoreapp2.0)
    System.Reflection (4.3) - restriction: || (&& (== net461) (>= netcoreapp1.0)) (== netcoreapp2.0)
      Microsoft.NETCore.Platforms (>= 1.1) - restriction: || (&& (== net461) (< net45)) (&& (== net461) (< portable-net45+win8+wp8+wpa81)) (== netcoreapp2.0)
      Microsoft.NETCore.Targets (>= 1.1) - restriction: || (&& (== net461) (< net45)) (&& (== net461) (< portable-net45+win8+wp8+wpa81)) (== netcoreapp2.0)
      System.IO (>= 4.3) - restriction: || (&& (== net461) (< net45)) (&& (== net461) (< portable-net45+win8+wp8+wpa81)) (== netcoreapp2.0)
      System.Reflection.Primitives (>= 4.3) - restriction: || (&& (== net461) (< net45)) (&& (== net461) (< portable-net45+win8+wp8+wpa81)) (== netcoreapp2.0)
      System.Runtime (>= 4.3) - restriction: || (&& (== net461) (< net45)) (&& (== net461) (< portable-net45+win8+wp8+wpa81)) (== netcoreapp2.0)
    System.Reflection.Emit (4.3) - restriction: || (&& (== net461) (>= netcoreapp1.0)) (== netcoreapp2.0)
      System.IO (>= 4.3) - restriction: || (&& (== net461) (< net45)) (== netcoreapp2.0)
      System.Reflection (>= 4.3) - restriction: || (&& (== net461) (< net45)) (== netcoreapp2.0)
      System.Reflection.Emit.ILGeneration (>= 4.3) - restriction: || (&& (== net461) (< net45)) (== netcoreapp2.0)
      System.Reflection.Primitives (>= 4.3) - restriction: || (&& (== net461) (< net45)) (== netcoreapp2.0)
      System.Runtime (>= 4.3) - restriction: || (&& (== net461) (< net45)) (== netcoreapp2.0)
    System.Reflection.Emit.ILGeneration (4.3) - restriction: || (&& (== net461) (>= netcoreapp1.0)) (== netcoreapp2.0)
      System.Reflection (>= 4.3) - restriction: || (&& (== net461) (< net45)) (== netcoreapp2.0)
      System.Reflection.Primitives (>= 4.3) - restriction: || (&& (== net461) (< net45)) (== netcoreapp2.0)
      System.Runtime (>= 4.3) - restriction: || (&& (== net461) (< net45)) (== netcoreapp2.0)
    System.Reflection.Emit.Lightweight (4.3) - restriction: || (&& (== net461) (>= netcoreapp1.0)) (== netcoreapp2.0)
      System.Reflection (>= 4.3) - restriction: || (&& (== net461) (< net45)) (== netcoreapp2.0)
      System.Reflection.Emit.ILGeneration (>= 4.3) - restriction: || (&& (== net461) (< net45)) (== netcoreapp2.0)
      System.Reflection.Primitives (>= 4.3) - restriction: || (&& (== net461) (< net45)) (== netcoreapp2.0)
      System.Runtime (>= 4.3) - restriction: || (&& (== net461) (< net45)) (== netcoreapp2.0)
    System.Reflection.Extensions (4.3) - restriction: || (&& (== net461) (>= netcoreapp1.0)) (== netcoreapp2.0)
      Microsoft.NETCore.Platforms (>= 1.1) - restriction: || (&& (== net461) (< net45)) (&& (== net461) (< portable-net45+win8+wp8+wpa81)) (== netcoreapp2.0)
      Microsoft.NETCore.Targets (>= 1.1) - restriction: || (&& (== net461) (< net45)) (&& (== net461) (< portable-net45+win8+wp8+wpa81)) (== netcoreapp2.0)
      System.Reflection (>= 4.3) - restriction: || (&& (== net461) (< net45)) (&& (== net461) (< portable-net45+win8+wp8+wpa81)) (== netcoreapp2.0)
      System.Runtime (>= 4.3) - restriction: || (&& (== net461) (< net45)) (&& (== net461) (< portable-net45+win8+wp8+wpa81)) (== netcoreapp2.0)
    System.Reflection.Metadata (1.6) - restriction: || (&& (== net461) (>= netcoreapp1.0)) (== netcoreapp2.0)
      System.Collections.Immutable (>= 1.5)
    System.Reflection.Primitives (4.3) - restriction: || (&& (== net461) (>= netcoreapp1.0)) (== netcoreapp2.0)
      Microsoft.NETCore.Platforms (>= 1.1) - restriction: || (&& (== net461) (< net45)) (&& (== net461) (< portable-net45+win8+wp8+wpa81)) (== netcoreapp2.0)
      Microsoft.NETCore.Targets (>= 1.1) - restriction: || (&& (== net461) (< net45)) (&& (== net461) (< portable-net45+win8+wp8+wpa81)) (== netcoreapp2.0)
      System.Runtime (>= 4.3) - restriction: || (&& (== net461) (< net45)) (&& (== net461) (< portable-net45+win8+wp8+wpa81)) (== netcoreapp2.0)
    System.Reflection.TypeExtensions (4.5.1) - restriction: || (&& (== net461) (>= netcoreapp1.0)) (== netcoreapp2.0)
    System.Resources.ResourceManager (4.3) - restriction: || (&& (== net461) (>= netcoreapp1.0)) (== netcoreapp2.0)
      Microsoft.NETCore.Platforms (>= 1.1) - restriction: || (&& (== net461) (< net45)) (&& (== net461) (< portable-net45+win8+wp8+wpa81)) (== netcoreapp2.0)
      Microsoft.NETCore.Targets (>= 1.1) - restriction: || (&& (== net461) (< net45)) (&& (== net461) (< portable-net45+win8+wp8+wpa81)) (== netcoreapp2.0)
      System.Globalization (>= 4.3) - restriction: || (&& (== net461) (< net45)) (&& (== net461) (< portable-net45+win8+wp8+wpa81)) (== netcoreapp2.0)
      System.Reflection (>= 4.3) - restriction: || (&& (== net461) (< net45)) (&& (== net461) (< portable-net45+win8+wp8+wpa81)) (== netcoreapp2.0)
      System.Runtime (>= 4.3) - restriction: || (&& (== net461) (< net45)) (&& (== net461) (< portable-net45+win8+wp8+wpa81)) (== netcoreapp2.0)
    System.Runtime (4.3) - restriction: || (&& (== net461) (>= netcoreapp1.0)) (== netcoreapp2.0)
      Microsoft.NETCore.Platforms (>= 1.1) - restriction: || (&& (== net461) (< net45)) (&& (== net461) (< portable-net45+win8+wp8+wpa81)) (== netcoreapp2.0)
      Microsoft.NETCore.Targets (>= 1.1) - restriction: || (&& (== net461) (< net45)) (&& (== net461) (< portable-net45+win8+wp8+wpa81)) (== netcoreapp2.0)
    System.Runtime.CompilerServices.Unsafe (4.5.2) - restriction: || (&& (== net461) (>= monoandroid) (>= netstandard2.0)) (&& (== net461) (>= monotouch) (>= netstandard2.0)) (&& (== net461) (< net45) (>= netstandard2.0)) (&& (== net461) (< net451) (>= netstandard2.0)) (&& (== net461) (>= netcoreapp2.0)) (&& (== net461) (< netstandard1.1) (>= netstandard2.0)) (&& (== net461) (>= netstandard2.0) (>= wpa81)) (&& (== net461) (>= netstandard2.0) (>= xamarinmac)) (&& (== net461) (>= netstandard2.0) (>= xamarintvos)) (&& (== net461) (>= netstandard2.0) (>= xamarinwatchos)) (&& (== net461) (>= uap10.1)) (&& (== net461) (>= xamarinios)) (== netcoreapp2.0)
    System.Runtime.Extensions (4.3) - restriction: || (&& (== net461) (>= netcoreapp1.0)) (== netcoreapp2.0)
      Microsoft.NETCore.Platforms (>= 1.1) - restriction: || (&& (== net461) (< net45)) (&& (== net461) (< portable-net45+win8+wp8+wpa81)) (== netcoreapp2.0)
      Microsoft.NETCore.Targets (>= 1.1) - restriction: || (&& (== net461) (< net45)) (&& (== net461) (< portable-net45+win8+wp8+wpa81)) (== netcoreapp2.0)
      System.Runtime (>= 4.3) - restriction: || (&& (== net461) (< net45)) (&& (== net461) (< portable-net45+win8+wp8+wpa81)) (== netcoreapp2.0)
    System.Runtime.Handles (4.3) - restriction: || (&& (== net461) (>= netcoreapp1.0)) (== netcoreapp2.0)
      Microsoft.NETCore.Platforms (>= 1.1) - restriction: || (&& (== net461) (< net46)) (== netcoreapp2.0)
      Microsoft.NETCore.Targets (>= 1.1) - restriction: || (&& (== net461) (< net46)) (== netcoreapp2.0)
      System.Runtime (>= 4.3) - restriction: || (&& (== net461) (< net46)) (== netcoreapp2.0)
    System.Runtime.InteropServices (4.3) - restriction: || (&& (== net461) (>= netcoreapp1.0)) (== netcoreapp2.0)
      Microsoft.NETCore.Platforms (>= 1.1) - restriction: || (&& (== net461) (< net45)) (&& (== net461) (>= netcoreapp1.1)) (&& (== net461) (< portable-net45+win8+wpa81)) (== netcoreapp2.0)
      Microsoft.NETCore.Targets (>= 1.1) - restriction: || (&& (== net461) (< net45)) (&& (== net461) (>= netcoreapp1.1)) (&& (== net461) (< portable-net45+win8+wpa81)) (== netcoreapp2.0)
      System.Reflection (>= 4.3) - restriction: || (&& (== net461) (< net45)) (&& (== net461) (>= netcoreapp1.1)) (&& (== net461) (< portable-net45+win8+wpa81)) (== netcoreapp2.0)
      System.Reflection.Primitives (>= 4.3) - restriction: || (&& (== net461) (< net45)) (&& (== net461) (>= netcoreapp1.1)) (&& (== net461) (< portable-net45+win8+wpa81)) (== netcoreapp2.0)
      System.Runtime (>= 4.3) - restriction: || (&& (== net461) (< net45)) (&& (== net461) (>= net462)) (&& (== net461) (>= netcoreapp1.1)) (&& (== net461) (< portable-net45+win8+wpa81)) (== netcoreapp2.0)
      System.Runtime.Handles (>= 4.3) - restriction: || (&& (== net461) (< net45)) (&& (== net461) (>= netcoreapp1.1)) (&& (== net461) (< portable-net45+win8+wpa81)) (== netcoreapp2.0)
    System.Runtime.InteropServices.RuntimeInformation (4.3) - restriction: || (&& (== net461) (>= netcoreapp1.0)) (== netcoreapp2.0)
      runtime.native.System (>= 4.3) - restriction: || (&& (== net461) (< net45)) (== netcoreapp2.0)
      System.Reflection (>= 4.3) - restriction: || (&& (== net461) (< net45)) (&& (== net461) (< netstandard1.1)) (== netcoreapp2.0)
      System.Reflection.Extensions (>= 4.3) - restriction: || (&& (== net461) (< net45)) (&& (== net461) (< netstandard1.1)) (== netcoreapp2.0)
      System.Resources.ResourceManager (>= 4.3) - restriction: || (&& (== net461) (< net45)) (&& (== net461) (< netstandard1.1)) (== netcoreapp2.0)
      System.Runtime (>= 4.3) - restriction: || (&& (== net461) (< net45)) (&& (== net461) (< netstandard1.1)) (== netcoreapp2.0)
      System.Runtime.InteropServices (>= 4.3) - restriction: || (&& (== net461) (< net45)) (== netcoreapp2.0)
      System.Threading (>= 4.3) - restriction: || (&& (== net461) (< net45)) (&& (== net461) (< netstandard1.1)) (== netcoreapp2.0)
    System.Runtime.Loader (4.3) - restriction: || (&& (== net461) (>= netcoreapp1.0)) (== netcoreapp2.0)
      System.IO (>= 4.3) - restriction: || (&& (== net461) (>= netstandard1.5)) (== netcoreapp2.0)
      System.Reflection (>= 4.3) - restriction: || (&& (== net461) (>= netstandard1.5)) (== netcoreapp2.0)
      System.Runtime (>= 4.3) - restriction: || (&& (== net461) (>= netstandard1.5)) (== netcoreapp2.0)
    System.Runtime.Serialization.Json (4.3) - restriction: || (&& (== net461) (>= netcoreapp1.0)) (== netcoreapp2.0)
      System.IO (>= 4.3) - restriction: || (&& (== net461) (< net45)) (&& (== net461) (< portable-net45+win8+wp8+wpa81)) (== netcoreapp2.0)
      System.Private.DataContractSerialization (>= 4.3) - restriction: || (&& (== net461) (< net45)) (&& (== net461) (< portable-net45+win8+wp8+wpa81)) (== netcoreapp2.0)
      System.Runtime (>= 4.3) - restriction: || (&& (== net461) (< net45)) (&& (== net461) (< portable-net45+win8+wp8+wpa81)) (== netcoreapp2.0)
    System.Runtime.Serialization.Primitives (4.3) - restriction: || (&& (== net461) (>= netcoreapp1.0)) (== netcoreapp2.0)
      System.Resources.ResourceManager (>= 4.3) - restriction: || (&& (== net461) (< net45)) (&& (== net461) (< portable-net45+win8+wp8+wpa81)) (== netcoreapp2.0)
      System.Runtime (>= 4.3) - restriction: || (&& (== net461) (< net45)) (&& (== net461) (< portable-net45+win8+wp8+wpa81)) (== netcoreapp2.0)
    System.Security.AccessControl (4.5)
      Microsoft.NETCore.Platforms (>= 2.0) - restriction: || (&& (== net461) (>= netcoreapp2.0)) (== netcoreapp2.0)
      System.Security.Principal.Windows (>= 4.5)
    System.Security.Cryptography.ProtectedData (4.5) - restriction: == netcoreapp2.0
      System.Memory (>= 4.5) - restriction: || (&& (== net461) (< net46) (>= netstandard2.0)) (== netcoreapp2.0)
    System.Security.Permissions (4.5)
      System.Security.AccessControl (>= 4.5)
    System.Security.Principal.Windows (4.5.1) - restriction: || (&& (== net461) (< net451) (>= netstandard2.0)) (&& (== net461) (>= netcoreapp2.0)) (== netcoreapp2.0)
      Microsoft.NETCore.Platforms (>= 2.0) - restriction: || (&& (== net461) (>= netcoreapp2.0)) (== netcoreapp2.0)
    System.Text.Encoding (4.3) - restriction: || (&& (== net461) (>= netcoreapp1.0)) (== netcoreapp2.0)
      Microsoft.NETCore.Platforms (>= 1.1) - restriction: || (&& (== net461) (< net45)) (&& (== net461) (< portable-net45+win8+wp8+wpa81)) (== netcoreapp2.0)
      Microsoft.NETCore.Targets (>= 1.1) - restriction: || (&& (== net461) (< net45)) (&& (== net461) (< portable-net45+win8+wp8+wpa81)) (== netcoreapp2.0)
      System.Runtime (>= 4.3) - restriction: || (&& (== net461) (< net45)) (&& (== net461) (< portable-net45+win8+wp8+wpa81)) (== netcoreapp2.0)
    System.Text.Encoding.CodePages (4.5) - restriction: || (&& (== net461) (< net451) (>= netstandard2.0)) (&& (== net461) (>= netcoreapp2.0)) (== netcoreapp2.0)
      Microsoft.NETCore.Platforms (>= 2.0) - restriction: || (&& (== net461) (>= netcoreapp2.0)) (== netcoreapp2.0)
      System.Runtime.CompilerServices.Unsafe (>= 4.5)
    System.Text.Encoding.Extensions (4.3) - restriction: || (&& (== net461) (>= netcoreapp1.0)) (== netcoreapp2.0)
      Microsoft.NETCore.Platforms (>= 1.1) - restriction: || (&& (== net461) (< net45)) (&& (== net461) (< portable-net45+win8+wp8+wpa81)) (== netcoreapp2.0)
      Microsoft.NETCore.Targets (>= 1.1) - restriction: || (&& (== net461) (< net45)) (&& (== net461) (< portable-net45+win8+wp8+wpa81)) (== netcoreapp2.0)
      System.Runtime (>= 4.3) - restriction: || (&& (== net461) (< net45)) (&& (== net461) (< portable-net45+win8+wp8+wpa81)) (== netcoreapp2.0)
      System.Text.Encoding (>= 4.3) - restriction: || (&& (== net461) (< net45)) (&& (== net461) (< portable-net45+win8+wp8+wpa81)) (== netcoreapp2.0)
    System.Text.RegularExpressions (4.3) - restriction: || (&& (== net461) (>= netcoreapp1.0)) (== netcoreapp2.0)
      System.Runtime (>= 4.3) - restriction: || (&& (== net461) (< net45)) (&& (== net461) (>= netcoreapp1.1)) (&& (== net461) (< portable-net45+win8+wp8+wpa81)) (== netcoreapp2.0)
    System.Threading (4.3) - restriction: || (&& (== net461) (>= netcoreapp1.0)) (== netcoreapp2.0)
      System.Runtime (>= 4.3) - restriction: || (&& (== net461) (< net45)) (&& (== net461) (< portable-net45+win8+wp8+wpa81)) (== netcoreapp2.0)
      System.Threading.Tasks (>= 4.3) - restriction: || (&& (== net461) (< net45)) (&& (== net461) (< portable-net45+win8+wp8+wpa81)) (== netcoreapp2.0)
    System.Threading.Tasks (4.3) - restriction: || (&& (== net461) (>= netcoreapp1.0)) (== netcoreapp2.0)
      Microsoft.NETCore.Platforms (>= 1.1) - restriction: || (&& (== net461) (< net45)) (&& (== net461) (< portable-net45+win8+wp8+wpa81)) (== netcoreapp2.0)
      Microsoft.NETCore.Targets (>= 1.1) - restriction: || (&& (== net461) (< net45)) (&& (== net461) (< portable-net45+win8+wp8+wpa81)) (== netcoreapp2.0)
      System.Runtime (>= 4.3) - restriction: || (&& (== net461) (< net45)) (&& (== net461) (< portable-net45+win8+wp8+wpa81)) (== netcoreapp2.0)
    System.Threading.Tasks.Extensions (4.5.1) - restriction: || (&& (== net461) (>= netcoreapp1.0)) (== netcoreapp2.0)
      System.Runtime.CompilerServices.Unsafe (>= 4.5)
    System.Threading.Thread (4.3) - restriction: || (&& (== net461) (>= netcoreapp1.0)) (== netcoreapp2.0)
      System.Runtime (>= 4.3) - restriction: || (&& (== net461) (< net46)) (== netcoreapp2.0)
    System.Threading.ThreadPool (4.3) - restriction: || (&& (== net461) (>= netcoreapp1.0)) (== netcoreapp2.0)
      System.Runtime (>= 4.3) - restriction: || (&& (== net461) (< net46)) (== netcoreapp2.0)
      System.Runtime.Handles (>= 4.3) - restriction: || (&& (== net461) (< net46)) (== netcoreapp2.0)
    System.Xml.ReaderWriter (4.3.1) - restriction: || (&& (== net461) (>= netcoreapp1.0)) (== netcoreapp2.0)
      System.Collections (>= 4.3) - restriction: || (&& (== net461) (< net45)) (&& (== net461) (< portable-net45+win8+wp8+wpa81)) (== netcoreapp2.0)
      System.Diagnostics.Debug (>= 4.3) - restriction: || (&& (== net461) (< net45)) (&& (== net461) (< portable-net45+win8+wp8+wpa81)) (== netcoreapp2.0)
      System.Globalization (>= 4.3) - restriction: || (&& (== net461) (< net45)) (&& (== net461) (< portable-net45+win8+wp8+wpa81)) (== netcoreapp2.0)
      System.IO (>= 4.3) - restriction: || (&& (== net461) (< net45)) (&& (== net461) (< portable-net45+win8+wp8+wpa81)) (== netcoreapp2.0)
      System.IO.FileSystem (>= 4.3) - restriction: || (&& (== net461) (< net45)) (&& (== net461) (< portable-net45+win8+wp8+wpa81)) (== netcoreapp2.0)
      System.IO.FileSystem.Primitives (>= 4.3) - restriction: || (&& (== net461) (< net45)) (&& (== net461) (< portable-net45+win8+wp8+wpa81)) (== netcoreapp2.0)
      System.Resources.ResourceManager (>= 4.3) - restriction: || (&& (== net461) (< net45)) (&& (== net461) (< portable-net45+win8+wp8+wpa81)) (== netcoreapp2.0)
      System.Runtime (>= 4.3) - restriction: || (&& (== net461) (< net45)) (&& (== net461) (< portable-net45+win8+wp8+wpa81)) (== netcoreapp2.0)
      System.Runtime.Extensions (>= 4.3) - restriction: || (&& (== net461) (< net45)) (&& (== net461) (< portable-net45+win8+wp8+wpa81)) (== netcoreapp2.0)
      System.Runtime.InteropServices (>= 4.3) - restriction: || (&& (== net461) (< net45)) (&& (== net461) (< portable-net45+win8+wp8+wpa81)) (== netcoreapp2.0)
      System.Text.Encoding (>= 4.3) - restriction: || (&& (== net461) (< net45)) (&& (== net461) (< portable-net45+win8+wp8+wpa81)) (== netcoreapp2.0)
      System.Text.Encoding.Extensions (>= 4.3) - restriction: || (&& (== net461) (< net45)) (&& (== net461) (< portable-net45+win8+wp8+wpa81)) (== netcoreapp2.0)
      System.Text.RegularExpressions (>= 4.3) - restriction: || (&& (== net461) (< net45)) (&& (== net461) (< portable-net45+win8+wp8+wpa81)) (== netcoreapp2.0)
      System.Threading.Tasks (>= 4.3) - restriction: || (&& (== net461) (< net45)) (&& (== net461) (< portable-net45+win8+wp8+wpa81)) (== netcoreapp2.0)
      System.Threading.Tasks.Extensions (>= 4.3) - restriction: || (&& (== net461) (< net45)) (&& (== net461) (< portable-net45+win8+wp8+wpa81)) (== netcoreapp2.0)
    System.Xml.XDocument (4.3) - restriction: || (&& (== net461) (>= netcoreapp1.0)) (== netcoreapp2.0)
      System.Collections (>= 4.3) - restriction: || (&& (== net461) (< net45)) (&& (== net461) (< portable-net45+win8+wp8+wpa81)) (== netcoreapp2.0)
      System.Diagnostics.Debug (>= 4.3) - restriction: || (&& (== net461) (< net45)) (&& (== net461) (< portable-net45+win8+wp8+wpa81)) (== netcoreapp2.0)
      System.Diagnostics.Tools (>= 4.3) - restriction: || (&& (== net461) (< net45)) (&& (== net461) (< portable-net45+win8+wp8+wpa81)) (== netcoreapp2.0)
      System.Globalization (>= 4.3) - restriction: || (&& (== net461) (< net45)) (&& (== net461) (< portable-net45+win8+wp8+wpa81)) (== netcoreapp2.0)
      System.IO (>= 4.3) - restriction: || (&& (== net461) (< net45)) (&& (== net461) (< portable-net45+win8+wp8+wpa81)) (== netcoreapp2.0)
      System.Reflection (>= 4.3) - restriction: || (&& (== net461) (< net45)) (&& (== net461) (< portable-net45+win8+wp8+wpa81)) (== netcoreapp2.0)
      System.Resources.ResourceManager (>= 4.3) - restriction: || (&& (== net461) (< net45)) (&& (== net461) (< portable-net45+win8+wp8+wpa81)) (== netcoreapp2.0)
      System.Runtime (>= 4.3) - restriction: || (&& (== net461) (< net45)) (&& (== net461) (< portable-net45+win8+wp8+wpa81)) (== netcoreapp2.0)
      System.Runtime.Extensions (>= 4.3) - restriction: || (&& (== net461) (< net45)) (&& (== net461) (< portable-net45+win8+wp8+wpa81)) (== netcoreapp2.0)
      System.Text.Encoding (>= 4.3) - restriction: || (&& (== net461) (< net45)) (&& (== net461) (< portable-net45+win8+wp8+wpa81)) (== netcoreapp2.0)
      System.Threading (>= 4.3) - restriction: || (&& (== net461) (< net45)) (&& (== net461) (< portable-net45+win8+wp8+wpa81)) (== netcoreapp2.0)
      System.Xml.ReaderWriter (>= 4.3) - restriction: || (&& (== net461) (< net45)) (&& (== net461) (< portable-net45+win8+wp8+wpa81)) (== netcoreapp2.0)
    System.Xml.XmlDocument (4.3) - restriction: || (&& (== net461) (>= netcoreapp1.0)) (== netcoreapp2.0)
      System.Collections (>= 4.3) - restriction: || (&& (== net461) (< net46)) (== netcoreapp2.0)
      System.Diagnostics.Debug (>= 4.3) - restriction: || (&& (== net461) (< net46)) (== netcoreapp2.0)
      System.Globalization (>= 4.3) - restriction: || (&& (== net461) (< net46)) (== netcoreapp2.0)
      System.IO (>= 4.3) - restriction: || (&& (== net461) (< net46)) (== netcoreapp2.0)
      System.Resources.ResourceManager (>= 4.3) - restriction: || (&& (== net461) (< net46)) (== netcoreapp2.0)
      System.Runtime (>= 4.3) - restriction: || (&& (== net461) (< net46)) (== netcoreapp2.0)
      System.Runtime.Extensions (>= 4.3) - restriction: || (&& (== net461) (< net46)) (== netcoreapp2.0)
      System.Text.Encoding (>= 4.3) - restriction: || (&& (== net461) (< net46)) (== netcoreapp2.0)
      System.Threading (>= 4.3) - restriction: || (&& (== net461) (< net46)) (== netcoreapp2.0)
      System.Xml.ReaderWriter (>= 4.3) - restriction: || (&& (== net461) (< net46)) (== netcoreapp2.0)
    System.Xml.XmlSerializer (4.3) - restriction: || (&& (== net461) (>= netcoreapp1.0)) (== netcoreapp2.0)
      System.Collections (>= 4.3) - restriction: || (&& (== net461) (< net45)) (&& (== net461) (< portable-net45+win8+wp8+wpa81)) (== netcoreapp2.0)
      System.Globalization (>= 4.3) - restriction: || (&& (== net461) (< net45)) (&& (== net461) (< portable-net45+win8+wp8+wpa81)) (== netcoreapp2.0)
      System.IO (>= 4.3) - restriction: || (&& (== net461) (< net45)) (&& (== net461) (< portable-net45+win8+wp8+wpa81)) (== netcoreapp2.0)
      System.Linq (>= 4.3) - restriction: || (&& (== net461) (< net45)) (&& (== net461) (< portable-net45+win8+wp8+wpa81)) (== netcoreapp2.0)
      System.Reflection (>= 4.3) - restriction: || (&& (== net461) (< net45)) (&& (== net461) (< portable-net45+win8+wp8+wpa81)) (== netcoreapp2.0)
      System.Reflection.Emit (>= 4.3) - restriction: || (&& (== net461) (< net45)) (&& (== net461) (< portable-net45+win8+wp8+wpa81)) (== netcoreapp2.0)
      System.Reflection.Emit.ILGeneration (>= 4.3) - restriction: || (&& (== net461) (< net45)) (&& (== net461) (< portable-net45+win8+wp8+wpa81)) (== netcoreapp2.0)
      System.Reflection.Extensions (>= 4.3) - restriction: || (&& (== net461) (< net45)) (&& (== net461) (< portable-net45+win8+wp8+wpa81)) (== netcoreapp2.0)
      System.Reflection.Primitives (>= 4.3) - restriction: || (&& (== net461) (< net45)) (&& (== net461) (< portable-net45+win8+wp8+wpa81)) (== netcoreapp2.0)
      System.Reflection.TypeExtensions (>= 4.3) - restriction: || (&& (== net461) (< net45)) (&& (== net461) (< portable-net45+win8+wp8+wpa81)) (== netcoreapp2.0)
      System.Resources.ResourceManager (>= 4.3) - restriction: || (&& (== net461) (< net45)) (&& (== net461) (< portable-net45+win8+wp8+wpa81)) (== netcoreapp2.0)
      System.Runtime (>= 4.3) - restriction: || (&& (== net461) (< net45)) (&& (== net461) (< portable-net45+win8+wp8+wpa81)) (== netcoreapp2.0)
      System.Runtime.Extensions (>= 4.3) - restriction: || (&& (== net461) (< net45)) (&& (== net461) (< portable-net45+win8+wp8+wpa81)) (== netcoreapp2.0)
      System.Text.RegularExpressions (>= 4.3) - restriction: || (&& (== net461) (< net45)) (&& (== net461) (< portable-net45+win8+wp8+wpa81)) (== netcoreapp2.0)
      System.Threading (>= 4.3) - restriction: || (&& (== net461) (< net45)) (&& (== net461) (< portable-net45+win8+wp8+wpa81)) (== netcoreapp2.0)
      System.Xml.ReaderWriter (>= 4.3) - restriction: || (&& (== net461) (< net45)) (&& (== net461) (< portable-net45+win8+wp8+wpa81)) (== netcoreapp2.0)
      System.Xml.XmlDocument (>= 4.3) - restriction: || (&& (== net461) (< net45)) (&& (== net461) (< portable-net45+win8+wp8+wpa81)) (== netcoreapp2.0)
    System.Xml.XPath (4.3) - restriction: || (&& (== net461) (>= netcoreapp1.0)) (== netcoreapp2.0)
      System.Collections (>= 4.3) - restriction: || (&& (== net461) (< net46)) (== netcoreapp2.0)
      System.Diagnostics.Debug (>= 4.3) - restriction: || (&& (== net461) (< net46)) (== netcoreapp2.0)
      System.Globalization (>= 4.3) - restriction: || (&& (== net461) (< net46)) (== netcoreapp2.0)
      System.IO (>= 4.3) - restriction: || (&& (== net461) (< net46)) (== netcoreapp2.0)
      System.Resources.ResourceManager (>= 4.3) - restriction: || (&& (== net461) (< net46)) (== netcoreapp2.0)
      System.Runtime (>= 4.3) - restriction: || (&& (== net461) (< net46)) (== netcoreapp2.0)
      System.Runtime.Extensions (>= 4.3) - restriction: || (&& (== net461) (< net46)) (== netcoreapp2.0)
      System.Threading (>= 4.3) - restriction: || (&& (== net461) (< net46)) (== netcoreapp2.0)
      System.Xml.ReaderWriter (>= 4.3) - restriction: || (&& (== net461) (< net46)) (== netcoreapp2.0)
    System.Xml.XPath.XmlDocument (4.3) - restriction: || (&& (== net461) (>= netcoreapp1.0)) (== netcoreapp2.0)
      System.Collections (>= 4.3) - restriction: || (&& (== net461) (< net46)) (== netcoreapp2.0)
      System.Globalization (>= 4.3) - restriction: || (&& (== net461) (< net46)) (== netcoreapp2.0)
      System.IO (>= 4.3) - restriction: || (&& (== net461) (< net46)) (== netcoreapp2.0)
      System.Resources.ResourceManager (>= 4.3) - restriction: || (&& (== net461) (< net46)) (== netcoreapp2.0)
      System.Runtime (>= 4.3) - restriction: || (&& (== net461) (< net46)) (== netcoreapp2.0)
      System.Runtime.Extensions (>= 4.3) - restriction: || (&& (== net461) (< net46)) (== netcoreapp2.0)
      System.Threading (>= 4.3) - restriction: || (&& (== net461) (< net46)) (== netcoreapp2.0)
      System.Xml.ReaderWriter (>= 4.3) - restriction: || (&& (== net461) (< net46)) (== netcoreapp2.0)
      System.Xml.XmlDocument (>= 4.3)
      System.Xml.XPath (>= 4.3)
    xunit (2.4.1)
      xunit.analyzers (>= 0.10)
      xunit.assert (2.4.1)
      xunit.core (2.4.1)
    xunit.abstractions (2.0.3)
    xunit.analyzers (0.10)
    xunit.assert (2.4.1)
      NETStandard.Library (>= 1.6.1) - restriction: || (&& (== net461) (< net452)) (== netcoreapp2.0)
    xunit.core (2.4.1)
      xunit.extensibility.core (2.4.1)
      xunit.extensibility.execution (2.4.1)
    xunit.extensibility.core (2.4.1)
      NETStandard.Library (>= 1.6.1) - restriction: || (&& (== net461) (< net452)) (== netcoreapp2.0)
      xunit.abstractions (>= 2.0.3)
    xunit.extensibility.execution (2.4.1)
      NETStandard.Library (>= 1.6.1) - restriction: || (&& (== net461) (< net452)) (== netcoreapp2.0)
      xunit.extensibility.core (2.4.1)
    xunit.runner.visualstudio (2.4.1)
      Microsoft.NET.Test.Sdk (>= 15.0) - restriction: || (&& (== net461) (>= netcoreapp1.0)) (== netcoreapp2.0)

GROUP TestProjects
RESTRICTION: || (== netcoreapp2.0) (== netstandard2.0) (>= net40)
NUGET
  remote: https://www.nuget.org/api/v2
    FSharp.Core (4.3.4)
    Microsoft.NETCore.Platforms (2.1.1) - restriction: || (== netcoreapp2.0) (&& (== netstandard2.0) (>= netcoreapp2.0)) (&& (>= net40) (>= netcoreapp2.0))
    Microsoft.Win32.Registry (4.5) - restriction: || (== netcoreapp2.0) (== netstandard2.0) (&& (>= net40) (< net451) (>= netstandard2.0)) (&& (>= net40) (>= netcoreapp2.0))
      System.Buffers (>= 4.4) - restriction: || (&& (== netcoreapp2.0) (>= monoandroid) (< netstandard2.0)) (&& (== netcoreapp2.0) (>= monotouch)) (&& (== netcoreapp2.0) (>= net40)) (&& (== netcoreapp2.0) (>= xamarinios)) (&& (== netcoreapp2.0) (>= xamarinmac)) (&& (== netcoreapp2.0) (>= xamarintvos)) (&& (== netcoreapp2.0) (>= xamarinwatchos)) (== netstandard2.0) (&& (>= monoandroid) (>= net40) (< netstandard2.0)) (&& (>= monotouch) (>= net40)) (&& (>= net40) (< net46) (>= netstandard2.0)) (&& (>= net40) (>= xamarinios)) (&& (>= net40) (>= xamarinmac)) (&& (>= net40) (>= xamarintvos)) (&& (>= net40) (>= xamarinwatchos))
      System.Memory (>= 4.5) - restriction: || (== netcoreapp2.0) (== netstandard2.0) (&& (>= net40) (< net46) (>= netstandard2.0)) (&& (>= net40) (>= netcoreapp2.0)) (&& (>= net40) (>= uap10.1))
      System.Security.AccessControl (>= 4.5) - restriction: || (== netcoreapp2.0) (== netstandard2.0) (&& (>= monoandroid) (>= net40) (< netstandard2.0)) (&& (>= monotouch) (>= net40)) (&& (>= net40) (< net46) (>= netstandard2.0)) (&& (>= net40) (>= netcoreapp2.0)) (&& (>= net40) (>= xamarinios)) (&& (>= net40) (>= xamarinmac)) (&& (>= net40) (>= xamarintvos)) (&& (>= net40) (>= xamarinwatchos)) (>= net461)
      System.Security.Principal.Windows (>= 4.5) - restriction: || (== netcoreapp2.0) (== netstandard2.0) (&& (>= monoandroid) (>= net40) (< netstandard2.0)) (&& (>= monotouch) (>= net40)) (&& (>= net40) (< net46) (>= netstandard2.0)) (&& (>= net40) (>= netcoreapp2.0)) (&& (>= net40) (>= xamarinios)) (&& (>= net40) (>= xamarinmac)) (&& (>= net40) (>= xamarintvos)) (&& (>= net40) (>= xamarinwatchos)) (>= net461)
    runtime.native.System.Data.SqlClient.sni (4.5) - restriction: || (== netcoreapp2.0) (== netstandard2.0) (&& (>= net40) (< net451) (>= netstandard1.3) (< netstandard2.0)) (&& (>= net40) (< net451) (>= netstandard2.0)) (&& (>= net40) (>= netcoreapp2.0))
      runtime.win-arm64.runtime.native.System.Data.SqlClient.sni (>= 4.4)
      runtime.win-x64.runtime.native.System.Data.SqlClient.sni (>= 4.4)
      runtime.win-x86.runtime.native.System.Data.SqlClient.sni (>= 4.4)
    runtime.win-arm64.runtime.native.System.Data.SqlClient.sni (4.4) - restriction: || (== netcoreapp2.0) (== netstandard2.0) (&& (>= net40) (< net451) (>= netstandard1.3) (< netstandard2.0)) (&& (>= net40) (< net451) (>= netstandard2.0)) (&& (>= net40) (>= netcoreapp2.0))
    runtime.win-x64.runtime.native.System.Data.SqlClient.sni (4.4) - restriction: || (== netcoreapp2.0) (== netstandard2.0) (&& (>= net40) (< net451) (>= netstandard1.3) (< netstandard2.0)) (&& (>= net40) (< net451) (>= netstandard2.0)) (&& (>= net40) (>= netcoreapp2.0))
    runtime.win-x86.runtime.native.System.Data.SqlClient.sni (4.4) - restriction: || (== netcoreapp2.0) (== netstandard2.0) (&& (>= net40) (< net451) (>= netstandard1.3) (< netstandard2.0)) (&& (>= net40) (< net451) (>= netstandard2.0)) (&& (>= net40) (>= netcoreapp2.0))
    System.Buffers (4.5) - restriction: || (&& (== netcoreapp2.0) (>= net40)) (== netstandard2.0) (&& (>= net40) (< net451) (>= netstandard2.0))
    System.Configuration.ConfigurationManager (4.5)
      System.Security.Cryptography.ProtectedData (>= 4.5) - restriction: || (== netcoreapp2.0) (== netstandard2.0) (&& (>= net40) (< net461) (>= netstandard2.0))
      System.Security.Permissions (>= 4.5) - restriction: || (== netcoreapp2.0) (== netstandard2.0) (&& (>= monoandroid) (>= net40)) (&& (>= monotouch) (>= net40)) (&& (>= net40) (>= netstandard2.0)) (&& (>= net40) (>= xamarinmac)) (&& (>= net40) (>= xamarintvos)) (&& (>= net40) (>= xamarinwatchos)) (>= net461)
    System.Data.Common (4.3) - restriction: || (&& (== netcoreapp2.0) (< netstandard1.2)) (&& (== netcoreapp2.0) (< netstandard1.3)) (&& (== netcoreapp2.0) (< netstandard2.0)) (&& (== netstandard2.0) (< netstandard1.2)) (&& (== netstandard2.0) (< netstandard1.3)) (&& (>= net40) (< net451) (>= netstandard1.2) (< netstandard1.3)) (&& (>= net40) (< net451) (>= netstandard1.3) (< netstandard2.0)) (&& (>= net40) (< netstandard1.2) (>= portable-net451+win81+wpa81)) (&& (>= net40) (< netstandard1.3) (>= wpa81)) (&& (>= net40) (< netstandard2.0) (>= win81)) (&& (>= net451) (< netstandard1.3)) (&& (>= net46) (< net461) (< netstandard2.0))
    System.Data.SqlClient (4.5.1)
      Microsoft.Win32.Registry (>= 4.5) - restriction: || (== netcoreapp2.0) (== netstandard2.0) (&& (>= net40) (< net451) (>= netstandard2.0)) (&& (>= net40) (>= netcoreapp2.0))
      runtime.native.System.Data.SqlClient.sni (>= 4.4) - restriction: || (== netcoreapp2.0) (== netstandard2.0) (&& (>= net40) (< net451) (>= netstandard1.3) (< netstandard2.0)) (&& (>= net40) (< net451) (>= netstandard2.0)) (&& (>= net40) (>= netcoreapp2.0))
      System.Buffers (>= 4.4) - restriction: || (&& (== netcoreapp2.0) (>= net40)) (== netstandard2.0) (&& (>= net40) (< net451) (>= netstandard2.0))
      System.Data.Common (>= 4.3) - restriction: || (&& (== netcoreapp2.0) (< netstandard1.2)) (&& (== netcoreapp2.0) (< netstandard1.3)) (&& (== netcoreapp2.0) (< netstandard2.0)) (&& (== netstandard2.0) (< netstandard1.2)) (&& (== netstandard2.0) (< netstandard1.3)) (&& (>= net40) (< net451) (>= netstandard1.2) (< netstandard1.3)) (&& (>= net40) (< net451) (>= netstandard1.3) (< netstandard2.0)) (&& (>= net40) (< netstandard1.2) (>= portable-net451+win81+wpa81)) (&& (>= net40) (< netstandard1.3) (>= wpa81)) (&& (>= net40) (< netstandard2.0) (>= win81)) (&& (>= net451) (< netstandard1.3)) (&& (>= net46) (< net461) (< netstandard2.0))
      System.Diagnostics.DiagnosticSource (>= 4.5) - restriction: || (== netcoreapp2.0) (== netstandard2.0) (&& (>= net40) (< net451) (>= netstandard2.0)) (&& (>= net40) (>= netcoreapp2.0)) (&& (>= net40) (>= uap10.1))
      System.Memory (>= 4.5.1) - restriction: || (== netcoreapp2.0) (== netstandard2.0) (&& (>= net40) (< net451) (>= netstandard2.0)) (&& (>= net40) (>= netcoreapp2.0)) (&& (>= net40) (>= uap10.1))
      System.Security.Principal.Windows (>= 4.5) - restriction: || (== netcoreapp2.0) (== netstandard2.0) (&& (>= net40) (< net451) (>= netstandard2.0)) (&& (>= net40) (>= netcoreapp2.0))
      System.Text.Encoding.CodePages (>= 4.5) - restriction: || (== netcoreapp2.0) (== netstandard2.0) (&& (>= net40) (< net451) (>= netstandard2.0)) (&& (>= net40) (>= netcoreapp2.0))
    System.Diagnostics.DiagnosticSource (4.5.1) - restriction: || (== netcoreapp2.0) (== netstandard2.0) (&& (>= net40) (< net451) (>= netstandard2.0)) (&& (>= net40) (>= netcoreapp2.0)) (&& (>= net40) (>= uap10.1))
    System.Memory (4.5.1) - restriction: || (== netcoreapp2.0) (== netstandard2.0) (&& (>= net40) (< net451) (>= netstandard2.0)) (&& (>= net40) (>= netcoreapp2.0)) (&& (>= net40) (>= uap10.1))
      System.Buffers (>= 4.4) - restriction: || (&& (== netcoreapp2.0) (>= monotouch)) (&& (== netcoreapp2.0) (>= net40)) (&& (== netcoreapp2.0) (< netstandard1.1)) (&& (== netcoreapp2.0) (< netstandard2.0)) (&& (== netcoreapp2.0) (>= xamarinios)) (&& (== netcoreapp2.0) (>= xamarinmac)) (&& (== netcoreapp2.0) (>= xamarintvos)) (&& (== netcoreapp2.0) (>= xamarinwatchos)) (== netstandard2.0) (&& (>= monoandroid) (>= net40) (< netstandard2.0)) (&& (>= monotouch) (>= net40)) (&& (>= net40) (< net45) (>= netstandard1.1) (< netstandard2.0)) (&& (>= net40) (< net45) (>= netstandard2.0)) (&& (>= net40) (< netstandard1.1) (>= portable-net45+win8+wpa81)) (&& (>= net40) (< netstandard1.1) (>= win8)) (&& (>= net40) (< netstandard2.0) (>= wpa81)) (&& (>= net40) (>= xamarinios)) (&& (>= net40) (>= xamarinmac)) (&& (>= net40) (>= xamarintvos)) (&& (>= net40) (>= xamarinwatchos)) (&& (>= net45) (< netstandard2.0)) (>= net461)
      System.Numerics.Vectors (>= 4.4) - restriction: || (&& (== netcoreapp2.0) (>= net40)) (== netstandard2.0) (&& (>= net40) (< net45) (>= netstandard2.0)) (>= net461)
      System.Runtime.CompilerServices.Unsafe (>= 4.5) - restriction: || (== netcoreapp2.0) (== netstandard2.0) (&& (>= monoandroid) (>= net40) (< netstandard2.0)) (&& (>= monotouch) (>= net40)) (&& (>= net40) (< net45) (>= netstandard1.1) (< netstandard2.0)) (&& (>= net40) (< net45) (>= netstandard2.0)) (&& (>= net40) (>= netcoreapp2.0)) (&& (>= net40) (< netstandard1.1) (>= portable-net45+win8+wpa81)) (&& (>= net40) (< netstandard1.1) (>= win8)) (&& (>= net40) (< netstandard2.0) (>= wpa81)) (&& (>= net40) (>= uap10.1)) (&& (>= net40) (>= xamarinios)) (&& (>= net40) (>= xamarinmac)) (&& (>= net40) (>= xamarintvos)) (&& (>= net40) (>= xamarinwatchos)) (&& (>= net45) (< netstandard2.0)) (>= net461)
    System.Numerics.Vectors (4.5) - restriction: || (&& (== netcoreapp2.0) (>= net40)) (&& (== netcoreapp2.0) (>= net461)) (== netstandard2.0) (&& (>= net40) (< net45) (>= netstandard2.0)) (&& (>= net40) (>= netcoreapp2.0)) (&& (>= net40) (>= netstandard2.0) (>= uap10.1)) (&& (< net451) (>= net461) (>= netstandard2.0)) (&& (>= net461) (>= netcoreapp2.0)) (&& (>= net461) (>= uap10.1))
    System.Runtime.CompilerServices.Unsafe (4.5.2) - restriction: || (== netcoreapp2.0) (== netstandard2.0) (&& (>= monotouch) (>= net40) (>= netstandard2.0)) (&& (>= net40) (< net45) (>= netstandard2.0)) (&& (>= net40) (>= netcoreapp2.0)) (&& (>= net40) (< netstandard1.1) (>= netstandard2.0)) (&& (>= net40) (>= netstandard2.0) (>= xamarinmac)) (&& (>= net40) (>= netstandard2.0) (>= xamarintvos)) (&& (>= net40) (>= netstandard2.0) (>= xamarinwatchos)) (&& (>= net40) (>= uap10.1)) (&& (>= net40) (>= xamarinios)) (&& (>= net45) (>= netcoreapp2.0) (< netstandard2.0)) (&& (>= net45) (>= uap10.1)) (&& (< net451) (>= net461) (>= netstandard2.0)) (&& (>= net461) (>= netcoreapp2.0)) (&& (>= net461) (>= uap10.1))
    System.Security.AccessControl (4.5) - restriction: || (== netcoreapp2.0) (== netstandard2.0) (&& (>= net40) (>= netcoreapp2.0)) (&& (>= net40) (>= netstandard2.0)) (&& (>= net40) (>= xamarinios)) (>= net461)
      Microsoft.NETCore.Platforms (>= 2.0) - restriction: || (== netcoreapp2.0) (&& (== netstandard2.0) (>= netcoreapp2.0)) (&& (>= net40) (>= netcoreapp2.0))
      System.Security.Principal.Windows (>= 4.5) - restriction: || (== netcoreapp2.0) (== netstandard2.0) (&& (>= net40) (< net46) (>= netstandard2.0)) (&& (>= net40) (>= netcoreapp2.0)) (>= net461)
    System.Security.Cryptography.ProtectedData (4.5) - restriction: || (== netcoreapp2.0) (== netstandard2.0) (&& (>= net40) (< net461) (>= netstandard2.0))
      System.Memory (>= 4.5) - restriction: || (== netcoreapp2.0) (== netstandard2.0) (&& (>= net40) (< net46) (>= netstandard2.0))
    System.Security.Permissions (4.5) - restriction: || (== netcoreapp2.0) (== netstandard2.0) (&& (>= monoandroid) (>= net40)) (&& (>= monotouch) (>= net40)) (&& (>= net40) (>= netstandard2.0)) (&& (>= net40) (>= xamarinmac)) (&& (>= net40) (>= xamarintvos)) (&& (>= net40) (>= xamarinwatchos)) (>= net461)
      System.Security.AccessControl (>= 4.5) - restriction: || (== netcoreapp2.0) (== netstandard2.0) (&& (>= net40) (>= netstandard2.0)) (>= net461)
    System.Security.Principal.Windows (4.5.1) - restriction: || (== netcoreapp2.0) (== netstandard2.0) (&& (>= net40) (< net451) (>= netstandard2.0)) (&& (>= net40) (>= netcoreapp2.0))
      Microsoft.NETCore.Platforms (>= 2.0) - restriction: || (== netcoreapp2.0) (&& (== netstandard2.0) (>= netcoreapp2.0)) (&& (>= net40) (>= netcoreapp2.0))
    System.Text.Encoding.CodePages (4.5) - restriction: || (== netcoreapp2.0) (== netstandard2.0) (&& (>= net40) (< net451) (>= netstandard2.0)) (&& (>= net40) (>= netcoreapp2.0))
      Microsoft.NETCore.Platforms (>= 2.0) - restriction: || (== netcoreapp2.0) (&& (== netstandard2.0) (>= netcoreapp2.0)) (&& (>= net40) (>= netcoreapp2.0))
      System.Runtime.CompilerServices.Unsafe (>= 4.5) - restriction: || (== netcoreapp2.0) (== netstandard2.0) (&& (>= net40) (< net46) (>= netstandard2.0)) (&& (>= net40) (>= netcoreapp2.0)) (>= net461)
